{
    "InPlanePhaseEncodingDirectionDICOM": "ROW",
    "ConsistencyInfo": "N4_VE11C_LATEST_20160120",
    "ProcedureStepDescription": "CMI_CUNY_HBN",
    "DeviceSerialNumber": "166037",
    "AcquisitionMatrixPE": 256,
    "ImageOrientationPatientDICOM": [
        0,
        1,
        0,
        0,
        0,
        -1
    ],
    "ManufacturersModelName": "Prisma",
    "ProtocolName": "ABCD_T2w_SPC_vNav",
    "RepetitionTime": 3.2,
    "BodyPartExamined": "BRAIN",
    "MagneticFieldStrength": 3,
    "PhaseEncodingSteps": 227,
    "MRAcquisitionType": "3D",
    "ParallelReductionFactorInPlane": 2,
    "SliceThickness": 1,
    "DwellTime": 8.1e-06,
    "TxRefAmp": 220.855,
    "EchoTrainLength": 190,
    "ImageType": [
        "ORIGINAL",
        "PRIMARY",
        "M",
        "ND",
        "NORM"
    ],
    "SeriesDescription": "ABCD_T2w_SPC_vNav",
    "SAR": 0.0491107,
    "ConversionSoftware": "dcm2niix",
    "ScanningSequence": "SE",
    "Manufacturer": "Siemens",
    "PercentPhaseFOV": 100,
    "ReconMatrixPE": 256,
    "FlipAngle": 120,
    "PulseSequenceDetails": "%CustomerSeq%_tse_vfl_mgh_epinav_ABCD",
    "PartialFourier": 1,
    "ConversionSoftwareVersion": "v1.0.20171215 GCC4.8.4",
    "ShimSetting": [
        -1621,
        -10236,
        2146,
        351,
        51,
        -394,
        159,
        -90
    ],
    "PatientPosition": "HFS",
    "SequenceName": "spc_200ns",
    "ReceiveCoilName": "Head_32",
    "ReceiveCoilActiveElements": "HEA;HEP",
    "EchoTime": 0.565,
    "SequenceVariant": "SK_SP",
    "PhaseResolution": 1,
    "BaseResolution": 256,
    "PixelBandwidth": 240,
    "ScanOptions": "PFP",
    "SoftwareVersions": "syngo_MR_E11",
    "StationName": "AWP166037",
    "Modality": "MR",
    "Obliquity": "False",
    "VoxelSizeDim1": 1.0,
    "VoxelSizeDim3": 1.0,
    "VoxelSizeDim2": 1.0,
    "Dim1Size": 176,
    "Dim2Size": 256,
    "Dim3Size": 256,
    "NumVolumes": 1.0
}