{
    "AcquisitionMatrixPE": 84,
    "BandwidthPerPixelPhaseEncode": 23.81,
    "BaseResolution": 84,
    "BodyPartExamined": "BRAIN",
    "ConsistencyInfo": "N4_VE11B_LATEST_20150530",
    "ConversionSoftware": "dcm2niix",
    "ConversionSoftwareVersion": "v1.0.20171204 (OpenJPEG build) GCC4.8.4",
    "DerivedVendorReportedEchoSpacing": 0.00049999,
    "DwellTime": 2.6e-06,
    "EchoTime": 0.0512,
    "EchoTrainLength": 84,
    "EffectiveEchoSpacing": 0.00049999,
    "FlipAngle": 90,
    "ImageOrientationPatientDICOM": [
        0.99854,
        -0.00264249,
        -0.0539496,
        4.76475e-08,
        0.998803,
        -0.0489212
    ],
    "ImageType": [
        "ORIGINAL",
        "PRIMARY",
        "M",
        "ND",
        "MOSAIC"
    ],
    "InPlanePhaseEncodingDirectionDICOM": "COL",
    "IntendedFor": [
        "ses-HBNsiteCBIC/func/sub-NDARZG081LYG_ses-HBNsiteCBIC_task-rest_run-1_bold.nii.gz",
        "ses-HBNsiteCBIC/func/sub-NDARZG081LYG_ses-HBNsiteCBIC_task-peer_run-1_bold.nii.gz",
        "ses-HBNsiteCBIC/func/sub-NDARZG081LYG_ses-HBNsiteCBIC_task-movieDM_bold.nii.gz",
        "ses-HBNsiteCBIC/func/sub-NDARZG081LYG_ses-HBNsiteCBIC_task-movieTP_bold.nii.gz"
    ],
    "MRAcquisitionType": "2D",
    "MagneticFieldStrength": 3,
    "Manufacturer": "Siemens",
    "ManufacturersModelName": "Prisma_fit",
    "Modality": "MR",
    "PartialFourier": 1,
    "PatientPosition": "HFS",
    "PercentPhaseFOV": 100,
    "PhaseEncodingDirection": "j-",
    "PhaseEncodingSteps": 84,
    "PhaseResolution": 1,
    "PixelBandwidth": 2290,
    "ProcedureStepDescription": "CMI_HBN-CBIC",
    "ProtocolName": "cmrr_fMRI_DistortionMap_AP",
    "PulseSequenceDetails": "%CustomerSeq%_cmrr_mbep2d_se",
    "ReceiveCoilActiveElements": "HEA;HEP",
    "ReceiveCoilName": "Head_32",
    "ReconMatrixPE": 84,
    "RepetitionTime": 5.301,
    "SAR": 0.405662,
    "ScanOptions": "FS",
    "ScanningSequence": "EP",
    "SequenceName": "epse2d1_84",
    "SequenceVariant": "SK",
    "SeriesDescription": "cmrr_fMRI_DistortionMap_AP",
    "ShimSetting": [
        156,
        -10357,
        -5601,
        537,
        0,
        -38,
        -122,
        -37
    ],
    "SliceThickness": 2.4,
    "SliceTiming": [
        2.64,
        0,
        2.7275,
        0.0875,
        2.815,
        0.175,
        2.9025,
        0.2625,
        2.99,
        0.35,
        3.08,
        0.44,
        3.1675,
        0.5275,
        3.255,
        0.615,
        3.3425,
        0.7025,
        3.43,
        0.79,
        3.52,
        0.88,
        3.6075,
        0.9675,
        3.695,
        1.055,
        3.7825,
        1.1425,
        3.8725,
        1.23,
        3.96,
        1.32,
        4.0475,
        1.4075,
        4.135,
        1.495,
        4.2225,
        1.5825,
        4.3125,
        1.67,
        4.4,
        1.76,
        4.4875,
        1.8475,
        4.575,
        1.935,
        4.6625,
        2.0225,
        4.7525,
        2.11,
        4.84,
        2.2,
        4.9275,
        2.2875,
        5.015,
        2.375,
        5.1025,
        2.4625,
        5.1925,
        2.55
    ],
    "SoftwareVersions": "syngo_MR_E11",
    "SpacingBetweenSlices": 2.4,
    "TotalReadoutTime": 0.0414992,
    "TxRefAmp": 212.576,
    "Obliquity": "True",
    "VoxelSizeDim1": 2.404761791229248,
    "VoxelSizeDim3": 2.4000000953674316,
    "VoxelSizeDim2": 2.404761791229248,
    "Dim1Size": 84,
    "Dim2Size": 84,
    "Dim3Size": 60
}