{
    "AcquisitionMatrixPE": 256,
    "BaseResolution": 256,
    "BodyPartExamined": "BRAIN",
    "ConsistencyInfo": "N4_VE11B_LATEST_20150530",
    "ConversionSoftware": "dcm2niix",
    "ConversionSoftwareVersion": "v1.0.20171215 GCC4.8.4",
    "DwellTime": 8.1e-06,
    "EchoTime": 0.00288,
    "FlipAngle": 8,
    "ImageOrientationPatientDICOM": [
        -0.101056,
        0.994881,
        -2.79774e-08,
        -0.0347209,
        -0.00352684,
        -0.999391
    ],
    "ImageType": [
        "ORIGINAL",
        "PRIMARY",
        "M",
        "ND"
    ],
    "InPlanePhaseEncodingDirectionDICOM": "ROW",
    "InversionTime": 1.06,
    "MRAcquisitionType": "3D",
    "MagneticFieldStrength": 3,
    "Manufacturer": "Siemens",
    "ManufacturersModelName": "Prisma_fit",
    "Modality": "MR",
    "ParallelReductionFactorInPlane": 2,
    "PartialFourier": 1,
    "PatientPosition": "HFS",
    "PercentPhaseFOV": 100,
    "PhaseEncodingSteps": 255,
    "PhaseResolution": 1,
    "PixelBandwidth": 240,
    "ProcedureStepDescription": "CMI_HBN-CBIC",
    "ProtocolName": "ABCD_T1w_MPR_vNAV",
    "PulseSequenceDetails": "%CustomerSeq%_tfl_mgh_epinav_ABCD",
    "ReceiveCoilActiveElements": "HEA;HEP",
    "ReceiveCoilName": "Head_32",
    "ReconMatrixPE": 256,
    "RepetitionTime": 2.5,
    "SAR": 0.0386215,
    "ScanOptions": "IR_WE",
    "ScanningSequence": "GR_IR",
    "SequenceName": "tfl3d1_16ns",
    "SequenceVariant": "SK_SP_MP",
    "SeriesDescription": "ABCD_T1w_MPR_vNAV",
    "ShimSetting": [
        181,
        -10524,
        -5690,
        219,
        10,
        -309,
        208,
        -71
    ],
    "SliceThickness": 1,
    "SoftwareVersions": "syngo_MR_E11",
    "TxRefAmp": 216.979,
    "Obliquity": "False",
    "VoxelSizeDim1": 1.000003457069397,
    "VoxelSizeDim3": 1.0,
    "VoxelSizeDim2": 0.9999999403953552,
    "Dim1Size": 176,
    "Dim2Size": 256,
    "Dim3Size": 256,
    "NumVolumes": 1.0
}