{
    "AcquisitionMatrixPE": 84,
    "BandwidthPerPixelPhaseEncode": 21.645,
    "BaseResolution": 84,
    "ConversionSoftware": "dcm2niix",
    "ConversionSoftwareVersion": "v1.0.20171204 (OpenJPEG build) GCC4.8.4",
    "DerivedVendorReportedEchoSpacing": 0.000550001,
    "DwellTime": 2.6e-06,
    "EchoTime": 0.0512,
    "EffectiveEchoSpacing": 0.000550001,
    "FlipAngle": 90,
    "ImageOrientationPatientDICOM": [
        1,
        0,
        0,
        0,
        0.996041,
        -0.0888943
    ],
    "ImageType": [
        "ORIGINAL",
        "PRIMARY",
        "M",
        "ND",
        "MOSAIC"
    ],
    "InPlanePhaseEncodingDirectionDICOM": "COL",
    "MRAcquisitionType": "2D",
    "MagneticFieldStrength": 3,
    "Manufacturer": "Siemens",
    "ManufacturersModelName": "TrioTim",
    "Modality": "MR",
    "PartialFourier": 1,
    "PatientPosition": "HFS",
    "PercentPhaseFOV": 100,
    "PhaseEncodingDirection": "j",
    "PhaseEncodingSteps": 84,
    "PhaseResolution": 1,
    "PixelBandwidth": 2289,
    "ProcedureStepDescription": "CMI_HBN",
    "ProtocolName": "fMRI_DistortionMap_PA",
    "PulseSequenceDetails": "%CustomerSeq%_cmrr_mbep2d_se",
    "ReceiveCoilName": "32Ch_Head",
    "ReconMatrixPE": 84,
    "RepetitionTime": 5.301,
    "SAR": 0.460928,
    "ScanOptions": "FS",
    "ScanningSequence": "EP",
    "SequenceName": "epse2d1_84",
    "SequenceVariant": "SK",
    "SeriesDescription": "fMRI_DistortionMap_PA",
    "ShimSetting": [
        1916,
        -650,
        -7604,
        1045,
        164,
        745,
        79,
        -268
    ],
    "SliceThickness": 2.4,
    "SliceTiming": [
        2.66,
        0,
        2.7475,
        0.0875,
        2.8375,
        0.1775,
        2.925,
        0.265,
        3.015,
        0.355,
        3.1025,
        0.4425,
        3.1925,
        0.53,
        3.28,
        0.62,
        3.37,
        0.7075,
        3.4575,
        0.7975,
        3.5475,
        0.885,
        3.635,
        0.975,
        3.725,
        1.0625,
        3.8125,
        1.1525,
        3.9025,
        1.24,
        3.99,
        1.33,
        4.08,
        1.4175,
        4.1675,
        1.5075,
        4.2575,
        1.595,
        4.345,
        1.685,
        4.435,
        1.7725,
        4.5225,
        1.8625,
        4.61,
        1.95,
        4.7,
        2.04,
        4.7875,
        2.1275,
        4.8775,
        2.2175,
        4.965,
        2.305,
        5.055,
        2.395,
        5.1425,
        2.4825,
        5.2325,
        2.57
    ],
    "SoftwareVersions": "syngo_MR_B19",
    "SpacingBetweenSlices": 2.4,
    "TotalReadoutTime": 0.04565,
    "TxRefAmp": 307.013
}