{
    "AcquisitionMatrixPE": 325,
    "BaseResolution": 320,
    "ConversionSoftware": "dcm2niix",
    "ConversionSoftwareVersion": "v1.0.20171204 (OpenJPEG build) GCC4.8.4",
    "DwellTime": 2.1e-06,
    "EchoTime": 0.565,
    "EchoTrainLength": 195,
    "FlipAngle": 120,
    "ImageOrientationPatientDICOM": [
        -0.0836778,
        0.996493,
        0,
        0,
        0,
        -1
    ],
    "ImageType": [
        "ORIGINAL",
        "PRIMARY",
        "M",
        "ND"
    ],
    "InPlanePhaseEncodingDirectionDICOM": "ROW",
    "MRAcquisitionType": "3D",
    "MagneticFieldStrength": 3,
    "Manufacturer": "Siemens",
    "ManufacturersModelName": "TrioTim",
    "Modality": "MR",
    "ParallelReductionFactorInPlane": 2,
    "PartialFourier": 1,
    "PatientPosition": "HFS",
    "PercentPhaseFOV": 100,
    "PhaseEncodingSteps": 324,
    "PhaseOversampling": 0.101562,
    "PhaseResolution": 1.01705,
    "PixelBandwidth": 744,
    "ProcedureStepDescription": "CMI_HBN",
    "ProtocolName": "T2SPACE",
    "PulseSequenceDetails": "%SiemensSeq%_tse_vfl",
    "ReceiveCoilName": "32Ch_Head",
    "ReconMatrixPE": 320,
    "RepetitionTime": 3.2,
    "SAR": 0.302387,
    "ScanOptions": "PFP",
    "ScanningSequence": "SE",
    "SequenceName": "_spc3d1_390ns",
    "SequenceVariant": "SK_SP_OSP",
    "SeriesDescription": "T2SPACE",
    "ShimSetting": [
        1962,
        -560,
        -7993,
        406,
        72,
        417,
        -339,
        -235
    ],
    "SliceThickness": 0.8,
    "SoftwareVersions": "syngo_MR_B19",
    "TxRefAmp": 305.46
}