{
    "AcquisitionMatrixPE": 84,
    "BandwidthPerPixelPhaseEncode": 23.81,
    "BaseResolution": 84,
    "BodyPartExamined": "BRAIN",
    "ConsistencyInfo": "N4_VE11C_LATEST_20160120",
    "ConversionSoftware": "dcm2niix",
    "ConversionSoftwareVersion": "v1.0.20171215 GCC4.8.4",
    "DerivedVendorReportedEchoSpacing": 0.00049999,
    "DwellTime": 2.6e-06,
    "EchoTime": 0.0512,
    "EchoTrainLength": 84,
    "EffectiveEchoSpacing": 0.00049999,
    "FlipAngle": 90,
    "ImageOrientationPatientDICOM": [
        1,
        0,
        0,
        0,
        1,
        0
    ],
    "ImageType": [
        "ORIGINAL",
        "PRIMARY",
        "M",
        "ND",
        "MOSAIC"
    ],
    "InPlanePhaseEncodingDirectionDICOM": "COL",
    "IntendedFor": [
        "ses-HBNsiteCUNY/func/sub-NDAREW531JV9_ses-HBNsiteCUNY_task-movieDM_bold.nii.gz",
        "ses-HBNsiteCUNY/func/sub-NDAREW531JV9_ses-HBNsiteCUNY_task-peer_run-3_bold.nii.gz",
        "ses-HBNsiteCUNY/func/sub-NDAREW531JV9_ses-HBNsiteCUNY_task-peer_run-1_bold.nii.gz",
        "ses-HBNsiteCUNY/func/sub-NDAREW531JV9_ses-HBNsiteCUNY_task-movieTP_bold.nii.gz"
    ],
    "MRAcquisitionType": "2D",
    "MagneticFieldStrength": 3,
    "Manufacturer": "Siemens",
    "ManufacturersModelName": "Prisma",
    "Modality": "MR",
    "PartialFourier": 1,
    "PatientPosition": "HFS",
    "PercentPhaseFOV": 100,
    "PhaseEncodingDirection": "j",
    "PhaseEncodingSteps": 84,
    "PhaseResolution": 1,
    "PixelBandwidth": 2290,
    "ProcedureStepDescription": "CMI_CUNY_HBN",
    "ProtocolName": "cmrr_fMRI_DistortionMap_PA",
    "PulseSequenceDetails": "%CustomerSeq%_cmrr_mbep2d_se",
    "ReceiveCoilActiveElements": "HEA;HEP",
    "ReceiveCoilName": "Head_32",
    "ReconMatrixPE": 84,
    "RepetitionTime": 5.301,
    "SAR": 0.144942,
    "ScanOptions": "FS",
    "ScanningSequence": "EP",
    "SequenceName": "epse2d1_84",
    "SequenceVariant": "SK",
    "SeriesDescription": "cmrr_fMRI_DistortionMap_PA",
    "ShimSetting": [
        -1609,
        -10158,
        2210,
        630,
        175,
        68,
        81,
        46
    ],
    "SliceThickness": 2.4,
    "SliceTiming": [
        2.64,
        0,
        2.73,
        0.0875,
        2.8175,
        0.1775,
        2.905,
        0.265,
        2.9925,
        0.3525,
        3.08,
        0.44,
        3.17,
        0.5275,
        3.2575,
        0.6175,
        3.345,
        0.705,
        3.4325,
        0.7925,
        3.52,
        0.88,
        3.61,
        0.9675,
        3.6975,
        1.0575,
        3.785,
        1.145,
        3.8725,
        1.2325,
        3.96,
        1.32,
        4.05,
        1.41,
        4.1375,
        1.4975,
        4.225,
        1.585,
        4.3125,
        1.6725,
        4.4,
        1.76,
        4.49,
        1.85,
        4.5775,
        1.9375,
        4.665,
        2.025,
        4.7525,
        2.1125,
        4.84,
        2.2,
        4.93,
        2.29,
        5.0175,
        2.3775,
        5.105,
        2.465,
        5.1925,
        2.5525
    ],
    "SoftwareVersions": "syngo_MR_E11",
    "SpacingBetweenSlices": 2.4,
    "TotalReadoutTime": 0.0414992,
    "TxRefAmp": 228.664,
    "Obliquity": "False",
    "VoxelSizeDim1": 2.404761791229248,
    "VoxelSizeDim3": 2.4000000953674316,
    "VoxelSizeDim2": 2.404761791229248,
    "Dim1Size": 84,
    "Dim2Size": 84,
    "Dim3Size": 60,
    "NumVolumes": 1.0
}