{
    "AcquisitionMatrixPE": 256,
    "BaseResolution": 256,
    "ConversionSoftware": "dcm2niix",
    "ConversionSoftwareVersion": "v1.0.20171204 (OpenJPEG build) GCC4.8.4",
    "DwellTime": 3e-06,
    "EchoTime": 0.00164,
    "FlipAngle": 7,
    "ImageOrientationPatientDICOM": [
        -0.0923706,
        0.995725,
        -3.87115e-08,
        -0.0347503,
        -0.00322373,
        -0.999391
    ],
    "ImageType": [
        "ORIGINAL",
        "PRIMARY",
        "OTHER",
        "ND",
        "NORM",
        "MEAN"
    ],
    "InPlanePhaseEncodingDirectionDICOM": "ROW",
    "InversionTime": 1,
    "MRAcquisitionType": "3D",
    "MagneticFieldStrength": 1.5,
    "Manufacturer": "Siemens",
    "ManufacturersModelName": "Avanto",
    "Modality": "MR",
    "ParallelReductionFactorInPlane": 2,
    "PartialFourier": 1,
    "PatientPosition": "HFS",
    "PercentPhaseFOV": 100,
    "PhaseEncodingSteps": 255,
    "PhaseResolution": 1,
    "PixelBandwidth": 651,
    "ProcedureStepDescription": "CMI_HBN",
    "ProtocolName": "T1W_MEMPRAGE_-_SAG",
    "PulseSequenceDetails": "%CustomerSeq%_tfl_mgh_multiecho",
    "ReceiveCoilName": "32Ch_Head",
    "ReconMatrixPE": 256,
    "RepetitionTime": 2.73,
    "SAR": 0.0211261,
    "ScanOptions": "IR",
    "ScanningSequence": "GR_IR",
    "SequenceName": "tfl3d4_ns",
    "SequenceVariant": "SP_MP",
    "SeriesDescription": "T1W_MEMPRAGE_-_SAG_RMS",
    "ShimSetting": [
        168,
        -172,
        442,
        1128,
        308,
        229,
        454,
        497
    ],
    "SliceThickness": 1,
    "SoftwareVersions": "syngo_MR_B17",
    "TxRefAmp": 235.277,
    "Obliquity": "False",
    "VoxelSizeDim1": 0.9999993443489075,
    "VoxelSizeDim3": 1.0,
    "VoxelSizeDim2": 1.0,
    "Dim1Size": 176,
    "Dim2Size": 256,
    "Dim3Size": 256
}