{
    "AcquisitionMatrixPE": 256,
    "BaseResolution": 256,
    "ConversionSoftware": "dcm2niix",
    "ConversionSoftwareVersion": "v1.0.20171204 (OpenJPEG build) GCC4.8.4",
    "DwellTime": 3e-06,
    "EchoTime": 0.00164,
    "FlipAngle": 7,
    "ImageOrientationPatientDICOM": [
        -0.163326,
        0.986572,
        0,
        0,
        -1e-16,
        -1
    ],
    "ImageType": [
        "ORIGINAL",
        "PRIMARY",
        "OTHER",
        "ND",
        "NORM",
        "MEAN"
    ],
    "InPlanePhaseEncodingDirectionDICOM": "ROW",
    "InversionTime": 1,
    "MRAcquisitionType": "3D",
    "MagneticFieldStrength": 1.5,
    "Manufacturer": "Siemens",
    "ManufacturersModelName": "Avanto",
    "Modality": "MR",
    "ParallelReductionFactorInPlane": 2,
    "PartialFourier": 1,
    "PatientPosition": "HFS",
    "PercentPhaseFOV": 100,
    "PhaseEncodingSteps": 255,
    "PhaseResolution": 1,
    "PixelBandwidth": 651,
    "ProcedureStepDescription": "CMI_HBN",
    "ProtocolName": "T1W_MEMPRAGE_-_SAG",
    "PulseSequenceDetails": "%CustomerSeq%_tfl_mgh_multiecho",
    "ReceiveCoilName": "32Ch_Head",
    "ReconMatrixPE": 256,
    "RepetitionTime": 2.73,
    "SAR": 0.0151422,
    "ScanOptions": "IR",
    "ScanningSequence": "GR_IR",
    "SequenceName": "tfl3d4_ns",
    "SequenceVariant": "SP_MP",
    "SeriesDescription": "T1W_MEMPRAGE_-_SAG_RMS",
    "ShimSetting": [
        70,
        -136,
        416,
        1089,
        599,
        8,
        -138,
        389
    ],
    "SliceThickness": 1,
    "SoftwareVersions": "syngo_MR_B17",
    "TxRefAmp": 242.835,
    "Obliquity": "False",
    "VoxelSizeDim1": 1.0000007152557373,
    "VoxelSizeDim3": 1.0,
    "VoxelSizeDim2": 0.9999999403953552,
    "Dim1Size": 176,
    "Dim2Size": 256,
    "Dim3Size": 256,
    "NumVolumes": 1.0
}