{
    "InPlanePhaseEncodingDirectionDICOM": "COL", 
    "VendorReportedEchoSpacing": 0.00078, 
    "ConsistencyInfo": "N4_VE11B_LATEST_20150530", 
    "ImageComments": "Unaliased_MB3_PE4", 
    "ProcedureStepDescription": "CMI_HBN-CBIC", 
    "DeviceSerialNumber": "67080", 
    "AcquisitionMatrixPE": 104, 
    "ImageOrientationPatientDICOM": [
        1, 
        0, 
        0, 
        0, 
        1, 
        0
    ], 
    "EffectiveEchoSpacing": 0.000389997, 
    "TotalReadoutTime": 0.0401697, 
    "ManufacturersModelName": "Prisma_fit", 
    "ProtocolName": "cmrr_DKI", 
    "PhaseEncodingDirection": "j-", 
    "BandwidthPerPixelPhaseEncode": 24.655, 
    "RepetitionTime": 3.32, 
    "MultibandAccelerationFactor": 3, 
    "PhaseEncodingSteps": 103, 
    "MRAcquisitionType": "2D", 
    "ParallelReductionFactorInPlane": 2, 
    "SliceThickness": 1.8, 
    "DwellTime": 3.3e-06, 
    "TxRefAmp": 208.386, 
    "BodyPartExamined": "BRAIN", 
    "ReceiveCoilActiveElements": "HEA;HEP", 
    "DerivedVendorReportedEchoSpacing": 0.000779995, 
    "SAR": 0.381298, 
    "PulseSequenceDetails": "%CustomerSeq%_cmrr_mbep2d_diff", 
    "ScanningSequence": "EP", 
    "Manufacturer": "Siemens", 
    "ConversionSoftware": "dcm2niix", 
    "PercentPhaseFOV": 100, 
    "ReconMatrixPE": 104, 
    "FlipAngle": 90, 
    "ConversionSoftwareVersion": "v1.0.20171215 GCC4.8.4", 
    "SeriesDescription": "cmrr_DKI", 
    "PartialFourier": 1, 
    "ShimSetting": [
        174, 
        -10369, 
        -5557, 
        757, 
        78, 
        209, 
        99, 
        -35
    ], 
    "PatientPosition": "HFS", 
    "SequenceName": "ep_b0", 
    "MagneticFieldStrength": 3, 
    "SpacingBetweenSlices": 1.8, 
    "ImageType": [
        "ORIGINAL", 
        "PRIMARY", 
        "DIFFUSION", 
        "NONE", 
        "MB", 
        "ND", 
        "MOSAIC"
    ], 
    "ReceiveCoilName": "Head_32", 
    "EchoTime": 0.1002, 
    "SequenceVariant": "SK_SS", 
    "SliceTiming": [
        0, 
        1.5125, 
        3.025, 
        1.2375, 
        2.75, 
        0.9625, 
        2.475, 
        0.6875, 
        2.2, 
        0.4125, 
        1.925, 
        0.1375, 
        1.65, 
        3.1625, 
        1.375, 
        2.8875, 
        1.1, 
        2.6125, 
        0.825, 
        2.3375, 
        0.55, 
        2.0625, 
        0.275, 
        1.7875, 
        0, 
        1.5125, 
        3.025, 
        1.2375, 
        2.75, 
        0.9625, 
        2.475, 
        0.6875, 
        2.2, 
        0.4125, 
        1.925, 
        0.1375, 
        1.65, 
        3.1625, 
        1.375, 
        2.8875, 
        1.1, 
        2.6125, 
        0.825, 
        2.3375, 
        0.55, 
        2.0625, 
        0.275, 
        1.7875, 
        0, 
        1.5125, 
        3.025, 
        1.2375, 
        2.75, 
        0.9625, 
        2.475, 
        0.6875, 
        2.2, 
        0.4125, 
        1.925, 
        0.1375, 
        1.65, 
        3.1625, 
        1.375, 
        2.8875, 
        1.1, 
        2.6125, 
        0.825, 
        2.3375, 
        0.55, 
        2.0625, 
        0.275, 
        1.7875
    ], 
    "PhaseResolution": 1, 
    "EchoTrainLength": 51, 
    "BaseResolution": 104, 
    "PixelBandwidth": 1455, 
    "ScanOptions": "FS", 
    "SoftwareVersions": "syngo_MR_E11", 
    "StationName": "MRTRIO3TX72", 
    "Modality": "MR"
}