{
    "AcquisitionMatrixPE": 320,
    "BaseResolution": 320,
    "ConversionSoftware": "dcm2niix",
    "ConversionSoftwareVersion": "v1.0.20171204 (OpenJPEG build) GCC4.8.4",
    "DwellTime": 1.2e-05,
    "EchoTime": 0.00315,
    "FlipAngle": 8,
    "ImageOrientationPatientDICOM": [
        0.109751,
        0.993959,
        3.35045e-08,
        -0.0172422,
        0.00190388,
        -0.99985
    ],
    "ImageType": [
        "ORIGINAL",
        "PRIMARY",
        "M",
        "ND",
        "NORM"
    ],
    "InPlanePhaseEncodingDirectionDICOM": "ROW",
    "InversionTime": 1.06,
    "MRAcquisitionType": "3D",
    "MagneticFieldStrength": 3,
    "Manufacturer": "Siemens",
    "ManufacturersModelName": "TrioTim",
    "Modality": "MR",
    "ParallelReductionFactorInPlane": 2,
    "PartialFourier": 1,
    "PatientPosition": "HFS",
    "PercentPhaseFOV": 100,
    "PhaseEncodingSteps": 319,
    "PhaseResolution": 1,
    "PixelBandwidth": 130,
    "ProcedureStepDescription": "CMI_HBN",
    "ProtocolName": "ANAT_T1W",
    "PulseSequenceDetails": "%SiemensSeq%_tfl",
    "ReceiveCoilName": "32Ch_Head",
    "ReconMatrixPE": 320,
    "RepetitionTime": 2.5,
    "SAR": 0.134397,
    "ScanOptions": "IR",
    "ScanningSequence": "GR_IR",
    "SequenceName": "_tfl3d1_ns",
    "SequenceVariant": "SP_MP",
    "SeriesDescription": "ANAT_T1W",
    "ShimSetting": [
        2097,
        -359,
        -7619,
        -55,
        -7,
        -174,
        -114,
        27
    ],
    "SliceThickness": 0.8,
    "SoftwareVersions": "syngo_MR_B19",
    "TxRefAmp": 362.47
}