{
    "AcquisitionMatrixPE": 104,
    "BandwidthPerPixelPhaseEncode": 24.655,
    "BaseResolution": 104,
    "BodyPartExamined": "BRAIN",
    "ConsistencyInfo": "N4_VE11C_LATEST_20160120",
    "ConversionSoftware": "dcm2niix",
    "ConversionSoftwareVersion": "v1.0.20171215 GCC4.8.4",
    "DerivedVendorReportedEchoSpacing": 0.000779995,
    "DwellTime": 3.3e-06,
    "EchoTime": 0.1002,
    "EchoTrainLength": 51,
    "EffectiveEchoSpacing": 0.000389997,
    "FlipAngle": 90,
    "ImageComments": "Unaliased_MB3_PE4_LB",
    "ImageOrientationPatientDICOM": [
        1,
        0,
        0,
        0,
        1,
        0
    ],
    "ImageType": [
        "ORIGINAL",
        "PRIMARY",
        "DIFFUSION",
        "NONE",
        "MB",
        "ND"
    ],
    "InPlanePhaseEncodingDirectionDICOM": "COL",
    "IntendedFor": [
        "ses-HBNsiteCUNY/dwi/sub-NDAREG350WZ4_ses-HBNsiteCUNY_acq-64dirVARIANTDim3SizeVoxelSizeDim3_dwi.nii.gz"
    ],
    "MRAcquisitionType": "2D",
    "MagneticFieldStrength": 3,
    "Manufacturer": "Siemens",
    "ManufacturersModelName": "Prisma",
    "Modality": "MR",
    "ParallelReductionFactorInPlane": 2,
    "PartialFourier": 1,
    "PatientPosition": "HFS",
    "PercentPhaseFOV": 100,
    "PhaseEncodingDirection": "j",
    "PhaseEncodingSteps": 103,
    "PhaseResolution": 1,
    "PixelBandwidth": 1455,
    "ProcedureStepDescription": "CMI_CUNY_HBN",
    "ProtocolName": "cmrr_dMRI_DistortionMap_PA",
    "PulseSequenceDetails": "%CustomerSeq%_cmrr_mbep2d_diff",
    "ReceiveCoilActiveElements": "HEA;HEP",
    "ReceiveCoilName": "Head_32",
    "ReconMatrixPE": 104,
    "RepetitionTime": 3.32,
    "SAR": 0.0789965,
    "ScanOptions": "FS",
    "ScanningSequence": "EP",
    "SequenceName": "ep_b0",
    "SequenceVariant": "SK_SS",
    "SeriesDescription": "cmrr_dMRI_DistortionMap_PA",
    "ShimSetting": [
        -1616,
        -10170,
        2297,
        617,
        120,
        -40,
        127,
        64
    ],
    "SliceThickness": 2.4,
    "SoftwareVersions": "syngo_MR_E11",
    "SpacingBetweenSlices": 2.4,
    "TotalReadoutTime": 0.0401697,
    "TxRefAmp": 228.027,
    "VendorReportedEchoSpacing": 0.00078,
    "Obliquity": "False",
    "VoxelSizeDim1": 1.798076868057251,
    "VoxelSizeDim3": 2.4000015258789062,
    "VoxelSizeDim2": 1.798076868057251,
    "Dim1Size": 104,
    "Dim2Size": 104,
    "Dim3Size": 60,
    "NumVolumes": 1.0
}