{
    "AcquisitionMatrixPE": 84,
    "BandwidthPerPixelPhaseEncode": 21.645,
    "BaseResolution": 84,
    "ConversionSoftware": "dcm2niix",
    "ConversionSoftwareVersion": "v1.0.20171204 (OpenJPEG build) GCC4.8.4",
    "DerivedVendorReportedEchoSpacing": 0.000550001,
    "DwellTime": 2.6e-06,
    "EchoTime": 0.0512,
    "EffectiveEchoSpacing": 0.000550001,
    "FlipAngle": 90,
    "ImageOrientationPatientDICOM": [
        0.997204,
        0.0169834,
        0.0727668,
        2.05929e-08,
        0.973828,
        -0.227287
    ],
    "ImageType": [
        "ORIGINAL",
        "PRIMARY",
        "M",
        "ND",
        "MOSAIC"
    ],
    "InPlanePhaseEncodingDirectionDICOM": "COL",
    "IntendedFor": [
        "ses-HBNsiteRU/func/sub-NDARTV525XC0_ses-HBNsiteRU_task-rest_run-1_bold.nii.gz",
        "ses-HBNsiteRU/func/sub-NDARTV525XC0_ses-HBNsiteRU_task-peer_run-3_bold.nii.gz",
        "ses-HBNsiteRU/func/sub-NDARTV525XC0_ses-HBNsiteRU_task-movieTP_bold.nii.gz",
        "ses-HBNsiteRU/func/sub-NDARTV525XC0_ses-HBNsiteRU_task-rest_run-2_bold.nii.gz",
        "ses-HBNsiteRU/func/sub-NDARTV525XC0_ses-HBNsiteRU_task-peer_run-1_bold.nii.gz",
        "ses-HBNsiteRU/func/sub-NDARTV525XC0_ses-HBNsiteRU_task-peer_run-2_bold.nii.gz"
    ],
    "MRAcquisitionType": "2D",
    "MagneticFieldStrength": 3,
    "Manufacturer": "Siemens",
    "ManufacturersModelName": "TrioTim",
    "Modality": "MR",
    "PartialFourier": 1,
    "PatientPosition": "HFS",
    "PercentPhaseFOV": 100,
    "PhaseEncodingDirection": "j",
    "PhaseEncodingSteps": 84,
    "PhaseResolution": 1,
    "PixelBandwidth": 2289,
    "ProcedureStepDescription": "CMI_HBN",
    "ProtocolName": "fMRI_DistortionMap_PA",
    "PulseSequenceDetails": "%CustomerSeq%_cmrr_mbep2d_se",
    "ReceiveCoilName": "32Ch_Head",
    "ReconMatrixPE": 84,
    "RepetitionTime": 5.301,
    "SAR": 0.43585,
    "ScanOptions": "FS",
    "ScanningSequence": "EP",
    "SequenceName": "epse2d1_84",
    "SequenceVariant": "SK",
    "SeriesDescription": "fMRI_DistortionMap_PA",
    "ShimSetting": [
        2079,
        -594,
        -7598,
        1098,
        353,
        537,
        -6,
        -212
    ],
    "SliceThickness": 2.4,
    "SliceTiming": [
        2.6625,
        0,
        2.75,
        0.09,
        2.84,
        0.1775,
        2.9275,
        0.2675,
        3.0175,
        0.355,
        3.105,
        0.445,
        3.195,
        0.5325,
        3.2825,
        0.6225,
        3.3725,
        0.71,
        3.46,
        0.8,
        3.55,
        0.8875,
        3.6375,
        0.9775,
        3.7275,
        1.065,
        3.815,
        1.155,
        3.905,
        1.2425,
        3.9925,
        1.3325,
        4.08,
        1.42,
        4.17,
        1.51,
        4.2575,
        1.5975,
        4.3475,
        1.6875,
        4.435,
        1.775,
        4.525,
        1.865,
        4.6125,
        1.9525,
        4.7025,
        2.04,
        4.79,
        2.13,
        4.88,
        2.2175,
        4.9675,
        2.3075,
        5.0575,
        2.395,
        5.145,
        2.485,
        5.235,
        2.5725
    ],
    "SoftwareVersions": "syngo_MR_B19",
    "SpacingBetweenSlices": 2.4,
    "TotalReadoutTime": 0.04565,
    "TxRefAmp": 315.076
}