{
    "AcquisitionMatrixPE": 104,
    "BandwidthPerPixelPhaseEncode": 24.655,
    "BaseResolution": 104,
    "BodyPartExamined": "BRAIN",
    "ConsistencyInfo": "N4_VE11B_LATEST_20150530",
    "ConversionSoftware": "dcm2niix",
    "ConversionSoftwareVersion": "v1.0.20171215 GCC4.8.4",
    "DerivedVendorReportedEchoSpacing": 0.000779995,
    "DwellTime": 3.3e-06,
    "EchoTime": 0.1002,
    "EchoTrainLength": 51,
    "EffectiveEchoSpacing": 0.000389997,
    "FlipAngle": 90,
    "ImageComments": "Unaliased_MB3_PE4_SENSE1",
    "ImageOrientationPatientDICOM": [
        1,
        0,
        0,
        0,
        1,
        0
    ],
    "ImageType": [
        "ORIGINAL",
        "PRIMARY",
        "DIFFUSION",
        "NONE",
        "MB",
        "ND"
    ],
    "InPlanePhaseEncodingDirectionDICOM": "COL",
    "IntendedFor": [
        "ses-HBNsiteCBIC/dwi/sub-NDARFT698LLU_ses-HBNsiteCBIC_acq-64dir_dwi.nii.gz"
    ],
    "MRAcquisitionType": "2D",
    "MagneticFieldStrength": 3,
    "Manufacturer": "Siemens",
    "ManufacturersModelName": "Prisma_fit",
    "Modality": "MR",
    "ParallelReductionFactorInPlane": 2,
    "PartialFourier": 1,
    "PatientPosition": "HFS",
    "PercentPhaseFOV": 100,
    "PhaseEncodingDirection": "j",
    "PhaseEncodingSteps": 103,
    "PhaseResolution": 1,
    "PixelBandwidth": 1455,
    "ProcedureStepDescription": "CMI_HBN-CBIC",
    "ProtocolName": "cmrr_dMRI_DistortionMap_PA",
    "PulseSequenceDetails": "%CustomerSeq%_cmrr_mbep2d_diff",
    "ReceiveCoilActiveElements": "HEA;HEP",
    "ReceiveCoilName": "Head_32",
    "ReconMatrixPE": 104,
    "RepetitionTime": 3.32,
    "SAR": 0.065906,
    "ScanOptions": "FS",
    "ScanningSequence": "EP",
    "SequenceName": "ep_b0",
    "SequenceVariant": "SK_SS",
    "SeriesDescription": "cmrr_dMRI_DistortionMap_PA",
    "ShimSetting": [
        197,
        -10423,
        -5617,
        430,
        -24,
        -79,
        -28,
        -7
    ],
    "SliceThickness": 1.8,
    "SoftwareVersions": "syngo_MR_E11",
    "SpacingBetweenSlices": 1.8,
    "TotalReadoutTime": 0.0401697,
    "TxRefAmp": 235.6,
    "VendorReportedEchoSpacing": 0.00078
}