{
    "AcquisitionMatrixPE": 256,
    "BaseResolution": 256,
    "ConversionSoftware": "dcm2niix",
    "ConversionSoftwareVersion": "v1.0.20171204 (OpenJPEG build) GCC4.8.4",
    "DwellTime": 3e-06,
    "EchoTime": 0.00164,
    "FlipAngle": 7,
    "ImageOrientationPatientDICOM": [
        0.0681177,
        0.997677,
        -1.38826e-08,
        -0.0520674,
        0.00355495,
        -0.998637
    ],
    "ImageType": [
        "ORIGINAL",
        "PRIMARY",
        "OTHER",
        "ND",
        "NORM",
        "MEAN"
    ],
    "InPlanePhaseEncodingDirectionDICOM": "ROW",
    "InversionTime": 1,
    "MRAcquisitionType": "3D",
    "MagneticFieldStrength": 1.5,
    "Manufacturer": "Siemens",
    "ManufacturersModelName": "Avanto",
    "Modality": "MR",
    "ParallelReductionFactorInPlane": 2,
    "PartialFourier": 1,
    "PatientPosition": "HFS",
    "PercentPhaseFOV": 100,
    "PhaseEncodingSteps": 255,
    "PhaseResolution": 1,
    "PixelBandwidth": 651,
    "ProcedureStepDescription": "CMI_HBN",
    "ProtocolName": "T1W_MEMPRAGE_-_SAG",
    "PulseSequenceDetails": "%CustomerSeq%_tfl_mgh_multiecho",
    "ReceiveCoilName": "32Ch_Head",
    "ReconMatrixPE": 256,
    "RepetitionTime": 2.73,
    "SAR": 0.0180656,
    "ScanOptions": "IR",
    "ScanningSequence": "GR_IR",
    "SequenceName": "tfl3d4_ns",
    "SequenceVariant": "SP_MP",
    "SeriesDescription": "T1W_MEMPRAGE_-_SAG_RMS",
    "ShimSetting": [
        111,
        -177,
        482,
        981,
        560,
        142,
        368,
        292
    ],
    "SliceThickness": 1,
    "SoftwareVersions": "syngo_MR_B17",
    "TxRefAmp": 234.419,
    "Obliquity": "False",
    "VoxelSizeDim1": 1.0000050067901611,
    "VoxelSizeDim3": 1.0,
    "VoxelSizeDim2": 1.0,
    "Dim1Size": 176,
    "Dim2Size": 256,
    "Dim3Size": 256,
    "NumVolumes": 1.0
}