{
    "AcquisitionMatrixPE": 256,
    "BaseResolution": 256,
    "ConversionSoftware": "dcm2niix",
    "ConversionSoftwareVersion": "v1.0.20171204 (OpenJPEG build) GCC4.8.4",
    "DwellTime": 3e-06,
    "EchoTime": 0.00164,
    "FlipAngle": 7,
    "ImageOrientationPatientDICOM": [
        0.0471065,
        0.99889,
        1.31722e-08,
        -0.0261479,
        0.00123312,
        -0.999657
    ],
    "ImageType": [
        "ORIGINAL",
        "PRIMARY",
        "OTHER",
        "ND",
        "NORM",
        "MEAN"
    ],
    "InPlanePhaseEncodingDirectionDICOM": "ROW",
    "InversionTime": 1,
    "MRAcquisitionType": "3D",
    "MagneticFieldStrength": 1.5,
    "Manufacturer": "Siemens",
    "ManufacturersModelName": "Avanto",
    "Modality": "MR",
    "ParallelReductionFactorInPlane": 2,
    "PartialFourier": 1,
    "PatientPosition": "HFS",
    "PercentPhaseFOV": 100,
    "PhaseEncodingSteps": 255,
    "PhaseResolution": 1,
    "PixelBandwidth": 651,
    "ProcedureStepDescription": "CMI_HBN",
    "ProtocolName": "T1W_MEMPRAGE_-_SAG",
    "PulseSequenceDetails": "%CustomerSeq%_tfl_mgh_multiecho",
    "ReceiveCoilName": "32Ch_Head",
    "ReconMatrixPE": 256,
    "RepetitionTime": 2.73,
    "SAR": 0.0250949,
    "ScanOptions": "IR",
    "ScanningSequence": "GR_IR",
    "SequenceName": "tfl3d4_ns",
    "SequenceVariant": "SP_MP",
    "SeriesDescription": "T1W_MEMPRAGE_-_SAG_RMS",
    "ShimSetting": [
        157,
        -231,
        495,
        1292,
        554,
        -202,
        -220,
        333
    ],
    "SliceThickness": 1,
    "SoftwareVersions": "syngo_MR_B17",
    "TxRefAmp": 242.828,
    "Obliquity": "False",
    "VoxelSizeDim1": 0.9999950528144836,
    "VoxelSizeDim3": 1.0,
    "VoxelSizeDim2": 1.0,
    "Dim1Size": 176,
    "Dim2Size": 256,
    "Dim3Size": 256,
    "NumVolumes": 1.0
}