{
    "InPlanePhaseEncodingDirectionDICOM": "COL",
    "SequenceName": "ep_b0",
    "ConsistencyInfo": "N4_VE11B_LATEST_20150530",
    "ImageComments": "Unaliased_MB3_PE4_SENSE1",
    "ProcedureStepDescription": "CMI_HBN-CBIC",
    "DeviceSerialNumber": "67080",
    "AcquisitionMatrixPE": 104,
    "ImageOrientationPatientDICOM": [
        1,
        0,
        0,
        0,
        1,
        0
    ],
    "EffectiveEchoSpacing": 0.000389997,
    "TotalReadoutTime": 0.0401697,
    "ManufacturersModelName": "Prisma_fit",
    "ProtocolName": "cmrr_dMRI_DistortionMap_AP",
    "BandwidthPerPixelPhaseEncode": 24.655,
    "RepetitionTime": 3.32,
    "BodyPartExamined": "BRAIN",
    "MagneticFieldStrength": 3,
    "PhaseEncodingSteps": 103,
    "MRAcquisitionType": "2D",
    "ParallelReductionFactorInPlane": 2,
    "SliceThickness": 1.8,
    "DwellTime": 3.3e-06,
    "TxRefAmp": 233.657,
    "EchoTrainLength": 51,
    "ImageType": [
        "ORIGINAL",
        "PRIMARY",
        "DIFFUSION",
        "NONE",
        "MB",
        "ND"
    ],
    "DerivedVendorReportedEchoSpacing": 0.000779995,
    "SeriesDescription": "cmrr_dMRI_DistortionMap_AP",
    "SAR": 0.0657807,
    "ConversionSoftware": "dcm2niix",
    "ScanningSequence": "EP",
    "Manufacturer": "Siemens",
    "PercentPhaseFOV": 100,
    "StationName": "MRTRIO3TX72",
    "ReconMatrixPE": 104,
    "FlipAngle": 90,
    "PulseSequenceDetails": "%CustomerSeq%_cmrr_mbep2d_diff",
    "PartialFourier": 1,
    "ConversionSoftwareVersion": "v1.0.20171204 (OpenJPEG build) GCC4.8.4",
    "ShimSetting": [
        196,
        -10412,
        -5563,
        510,
        64,
        -145,
        121,
        -17
    ],
    "PatientPosition": "HFS",
    "VendorReportedEchoSpacing": 0.00078,
    "ReceiveCoilName": "Head_32",
    "SpacingBetweenSlices": 1.8,
    "ReceiveCoilActiveElements": "HEA;HEP",
    "EchoTime": 0.1002,
    "SequenceVariant": "SK_SS",
    "PhaseResolution": 1,
    "BaseResolution": 104,
    "PhaseEncodingDirection": "j-",
    "ScanOptions": "FS",
    "SoftwareVersions": "syngo_MR_E11",
    "PixelBandwidth": 1455,
    "Modality": "MR",
    "IntendedFor": [
        "ses-HBNsiteCBIC/dwi/sub-NDARWK626PFY_ses-HBNsiteCBIC_acq-64dir_dwi.nii.gz"
    ]
}