{
    "AcquisitionMatrixPE": 96,
    "BandwidthPerPixelPhaseEncode": 14.468,
    "BaseResolution": 96,
    "ConversionSoftware": "dcm2niix",
    "ConversionSoftwareVersion": "v1.0.20171204 (OpenJPEG build) GCC4.8.4",
    "DerivedVendorReportedEchoSpacing": 0.00071998,
    "DwellTime": 3.2e-06,
    "EchoTime": 0.0762,
    "EffectiveEchoSpacing": 0.00071998,
    "FlipAngle": 90,
    "ImageComments": "Unaliased_MB3_PE3",
    "ImageOrientationPatientDICOM": [
        1,
        0,
        0,
        0,
        1,
        0
    ],
    "ImageType": [
        "ORIGINAL",
        "PRIMARY",
        "DIFFUSION",
        "NONE",
        "MB",
        "ND"
    ],
    "InPlanePhaseEncodingDirectionDICOM": "COL",
    "IntendedFor": [
        "ses-HBNsiteSI/dwi/sub-NDARJR525HTX_ses-HBNsiteSI_acq-64dir_dwi.nii.gz"
    ],
    "MRAcquisitionType": "2D",
    "MagneticFieldStrength": 1.5,
    "Manufacturer": "Siemens",
    "ManufacturersModelName": "Avanto",
    "Modality": "MR",
    "PartialFourier": 0.75,
    "PatientPosition": "HFS",
    "PercentPhaseFOV": 100,
    "PhaseEncodingDirection": "j-",
    "PhaseEncodingSteps": 72,
    "PhaseResolution": 1,
    "PixelBandwidth": 1628,
    "ProcedureStepDescription": "CMI_HBN",
    "ProtocolName": "DWI_B=0_AP-_AX",
    "PulseSequenceDetails": "%CustomerSeq%_cmrr_mbep2d_diff",
    "ReceiveCoilName": "32Ch_Head",
    "ReconMatrixPE": 96,
    "RepetitionTime": 3.11,
    "SAR": 0.104879,
    "ScanOptions": "PFP_FS",
    "ScanningSequence": "EP",
    "SequenceName": "ep_b0",
    "SequenceVariant": "SK_SS",
    "SeriesDescription": "DWI_B=0_AP-_AX",
    "ShimSetting": [
        138,
        -153,
        572,
        1420,
        556,
        292,
        666,
        373
    ],
    "SliceThickness": 2,
    "SoftwareVersions": "syngo_MR_B17",
    "SpacingBetweenSlices": 2,
    "TotalReadoutTime": 0.0683981,
    "TxRefAmp": 237.86,
    "Obliquity": "False",
    "VoxelSizeDim1": 2.0,
    "VoxelSizeDim3": 2.0,
    "VoxelSizeDim2": 2.0,
    "Dim1Size": 96,
    "Dim2Size": 96,
    "Dim3Size": 72
}