{
    "AcquisitionMatrixPE": 90,
    "BandwidthPerPixelPhaseEncode": 22.222,
    "BaseResolution": 90,
    "BodyPartExamined": "BRAIN",
    "ConsistencyInfo": "N4_VE11B_LATEST_20150530",
    "ConversionSoftware": "dcm2niix",
    "ConversionSoftwareVersion": "v1.0.20171204 (OpenJPEG build) GCC4.8.4",
    "DerivedVendorReportedEchoSpacing": 0.000500005,
    "DwellTime": 2.1e-06,
    "EchoTime": 0.03,
    "EchoTrainLength": 90,
    "EffectiveEchoSpacing": 0.000500005,
    "FlipAngle": 52,
    "ImageComments": "SMS_ABCD_V1.0;_MB=6;_FOVshift=3;_K_PE=5;_K_RO=5;_CCR=1;_LeakBlockOn;",
    "ImageOrientationPatientDICOM": [
        0.999452,
        0.00745318,
        0.032254,
        3.78669e-08,
        0.974325,
        -0.225146
    ],
    "ImageType": [
        "ORIGINAL",
        "PRIMARY",
        "M",
        "ND",
        "MOSAIC"
    ],
    "InPlanePhaseEncodingDirectionDICOM": "COL",
    "MRAcquisitionType": "2D",
    "MagneticFieldStrength": 3,
    "Manufacturer": "Siemens",
    "ManufacturersModelName": "Prisma_fit",
    "Modality": "MR",
    "MultibandAccelerationFactor": 6,
    "PartialFourier": 1,
    "PatientPosition": "HFS",
    "PercentPhaseFOV": 100,
    "PhaseEncodingDirection": "j-",
    "PhaseEncodingSteps": 90,
    "PhaseResolution": 1,
    "PixelBandwidth": 2645,
    "ProcedureStepDescription": "CMI_HBN-CBIC",
    "ProtocolName": "ABCD_PEER3",
    "PulseSequenceDetails": "%CustomerSeq%_ep2d_bold_sms_abcd",
    "ReceiveCoilActiveElements": "HEA;HEP",
    "ReceiveCoilName": "Head_32",
    "ReconMatrixPE": 90,
    "RepetitionTime": 0.8,
    "SAR": 0.450889,
    "ScanOptions": "FS",
    "ScanningSequence": "EP",
    "SequenceName": "epfSM2d1_90",
    "SequenceVariant": "SK",
    "SeriesDescription": "ABCD_PEER3",
    "ShimSetting": [
        209,
        -10510,
        -5594,
        693,
        -85,
        -309,
        131,
        -8
    ],
    "SliceThickness": 2.4,
    "SliceTiming": [
        0,
        0.435,
        0.0725,
        0.5075,
        0.145,
        0.58,
        0.2175,
        0.6525,
        0.29,
        0.725,
        0.3625,
        0,
        0.435,
        0.0725,
        0.5075,
        0.145,
        0.58,
        0.2175,
        0.6525,
        0.29,
        0.725,
        0.3625,
        0,
        0.435,
        0.0725,
        0.5075,
        0.145,
        0.58,
        0.2175,
        0.6525,
        0.29,
        0.725,
        0.3625,
        0,
        0.435,
        0.0725,
        0.5075,
        0.145,
        0.58,
        0.2175,
        0.6525,
        0.29,
        0.725,
        0.3625,
        0,
        0.435,
        0.0725,
        0.5075,
        0.145,
        0.58,
        0.2175,
        0.6525,
        0.29,
        0.725,
        0.3625,
        0,
        0.435,
        0.0725,
        0.5075,
        0.145,
        0.58,
        0.2175,
        0.6525,
        0.29,
        0.725,
        0.3625
    ],
    "SoftwareVersions": "syngo_MR_E11",
    "SpacingBetweenSlices": 2.4,
    "TaskName": "peer",
    "TotalReadoutTime": 0.0445004,
    "TxRefAmp": 213.945
}