{
    "AcquisitionMatrixPE": 64,
    "BaseResolution": 64,
    "ConversionSoftware": "dcm2niix",
    "ConversionSoftwareVersion": "v1.0.20171204 (OpenJPEG build) GCC4.8.4",
    "DwellTime": 3e-05,
    "EchoNumber": 2,
    "EchoTime": 0.00804,
    "EchoTime1": 0.00328,
    "EchoTime2": 0.00804,
    "FlipAngle": 90,
    "ImageOrientationPatientDICOM": [
        1,
        2e-16,
        0,
        -2e-16,
        0.98796,
        -0.15471
    ],
    "ImageType": [
        "ORIGINAL",
        "PRIMARY",
        "P",
        "ND"
    ],
    "InPlanePhaseEncodingDirectionDICOM": "COL",
    "IntendedFor": [],
    "MRAcquisitionType": "2D",
    "MagneticFieldStrength": 1.5,
    "Manufacturer": "Siemens",
    "ManufacturersModelName": "Avanto",
    "Modality": "MR",
    "PartialFourier": 1,
    "PatientPosition": "HFS",
    "PercentPhaseFOV": 100,
    "PhaseEncodingDirection": "j-",
    "PhaseEncodingSteps": 64,
    "PhaseResolution": 1,
    "PixelBandwidth": 260,
    "ProcedureStepDescription": "CMI_HBN",
    "ProtocolName": "Field_Map",
    "PulseSequenceDetails": "%SiemensSeq%_gre_field_mapping",
    "ReceiveCoilName": "32Ch_Head",
    "ReconMatrixPE": 64,
    "RepetitionTime": 0.492,
    "SAR": 0.276875,
    "ScanningSequence": "GR",
    "SequenceName": "_fm2d2r",
    "SequenceVariant": "SP",
    "SeriesDescription": "Field_Map",
    "ShimSetting": [
        189,
        -137,
        610,
        1349,
        589,
        -105,
        510,
        348
    ],
    "SliceThickness": 3,
    "SoftwareVersions": "syngo_MR_B17",
    "SpacingBetweenSlices": 3,
    "TxRefAmp": 231.011
}