{
    "InPlanePhaseEncodingDirectionDICOM": "COL",
    "ImageComments": "Unaliased_MB3_PE4_(remote)_SENSE1",
    "ProcedureStepDescription": "CMI_HBN",
    "DeviceSerialNumber": "35450",
    "AcquisitionMatrixPE": 104,
    "ImageOrientationPatientDICOM": [
        0.990641,
        -0.10288,
        0.0897018,
        0.112869,
        0.98699,
        -0.114507
    ],
    "EffectiveEchoSpacing": 0.000414993,
    "TotalReadoutTime": 0.0427443,
    "ManufacturersModelName": "TrioTim",
    "ProtocolName": "DKI",
    "PhaseEncodingDirection": "j-",
    "BandwidthPerPixelPhaseEncode": 23.17,
    "RepetitionTime": 3.32,
    "PhaseEncodingSteps": 103,
    "MRAcquisitionType": "2D",
    "ParallelReductionFactorInPlane": 2,
    "SliceThickness": 1.8,
    "DwellTime": 3.5e-06,
    "TxRefAmp": 298.774,
    "DerivedVendorReportedEchoSpacing": 0.000829986,
    "SAR": 0.310819,
    "PulseSequenceDetails": "%CustomerSeq%_cmrr_mbep2d_diff",
    "ScanningSequence": "EP",
    "Manufacturer": "Siemens",
    "ConversionSoftware": "dcm2niix",
    "PercentPhaseFOV": 100,
    "ReconMatrixPE": 104,
    "FlipAngle": 90,
    "ConversionSoftwareVersion": "v1.0.20171204 (OpenJPEG build) GCC4.8.4",
    "SeriesDescription": "DKI",
    "PartialFourier": 1,
    "ShimSetting": [
        1977,
        -558,
        -7653,
        1154,
        -161,
        803,
        13,
        -141
    ],
    "SequenceName": "ep_b0",
    "MagneticFieldStrength": 3,
    "SpacingBetweenSlices": 1.8,
    "ImageType": [
        "ORIGINAL",
        "PRIMARY",
        "DIFFUSION",
        "NONE",
        "MB",
        "ND"
    ],
    "ReceiveCoilName": "32Ch_Head",
    "EchoTime": 0.1002,
    "SequenceVariant": "SK_SS",
    "PhaseResolution": 1,
    "BaseResolution": 104,
    "PixelBandwidth": 1374,
    "ScanOptions": "FS",
    "SoftwareVersions": "syngo_MR_B19",
    "StationName": "MRC35450",
    "Modality": "MR",
    "PatientPosition": "HFS",
    "Obliquity": "True",
    "VoxelSizeDim1": 1.798076868057251,
    "VoxelSizeDim3": 1.800005316734314,
    "VoxelSizeDim2": 1.798076868057251,
    "Dim1Size": 104,
    "Dim2Size": 104,
    "Dim3Size": 72,
    "NumVolumes": 129
}