{
    "AcquisitionMatrixPE": 104,
    "BandwidthPerPixelPhaseEncode": 23.17,
    "BaseResolution": 104,
    "ConversionSoftware": "dcm2niix",
    "ConversionSoftwareVersion": "v1.0.20171204 (OpenJPEG build) GCC4.8.4",
    "DerivedVendorReportedEchoSpacing": 0.000829986,
    "DwellTime": 3.5e-06,
    "EchoTime": 0.1002,
    "EffectiveEchoSpacing": 0.000414993,
    "FlipAngle": 90,
    "ImageComments": "Unaliased_MB3_PE4_(remote)_SENSE1",
    "ImageOrientationPatientDICOM": [
        0.990983,
        -0.0337738,
        -0.12966,
        -5.92799e-09,
        0.967709,
        -0.252069
    ],
    "ImageType": [
        "ORIGINAL",
        "PRIMARY",
        "DIFFUSION",
        "NONE",
        "MB",
        "ND"
    ],
    "InPlanePhaseEncodingDirectionDICOM": "COL",
    "IntendedFor": [
        "ses-HBNsiteRU/dwi/sub-NDARNX223DY3_ses-HBNsiteRU_acq-64dir_dwi.nii.gz"
    ],
    "MRAcquisitionType": "2D",
    "MagneticFieldStrength": 3,
    "Manufacturer": "Siemens",
    "ManufacturersModelName": "TrioTim",
    "Modality": "MR",
    "ParallelReductionFactorInPlane": 2,
    "PartialFourier": 1,
    "PatientPosition": "HFS",
    "PercentPhaseFOV": 100,
    "PhaseEncodingDirection": "j-",
    "PhaseEncodingSteps": 103,
    "PhaseResolution": 1,
    "PixelBandwidth": 1374,
    "ProcedureStepDescription": "CMI_HBN",
    "ProtocolName": "DKI_DistortionMap_AP",
    "PulseSequenceDetails": "%CustomerSeq%_cmrr_mbep2d_diff",
    "ReceiveCoilName": "32Ch_Head",
    "ReconMatrixPE": 104,
    "RepetitionTime": 3.32,
    "SAR": 0.169235,
    "ScanOptions": "FS",
    "ScanningSequence": "EP",
    "SequenceName": "ep_b0",
    "SequenceVariant": "SK_SS",
    "SeriesDescription": "DKI_DistortionMap_AP",
    "ShimSetting": [
        1894,
        -686,
        -7705,
        1208,
        150,
        294,
        -102,
        -276
    ],
    "SliceThickness": 1.8,
    "SoftwareVersions": "syngo_MR_B19",
    "SpacingBetweenSlices": 1.8,
    "TotalReadoutTime": 0.0427443,
    "TxRefAmp": 311.9,
    "Obliquity": "True",
    "VoxelSizeDim1": 1.798076868057251,
    "VoxelSizeDim3": 1.800001859664917,
    "VoxelSizeDim2": 1.798076868057251,
    "Dim1Size": 104,
    "Dim2Size": 104,
    "Dim3Size": 72
}