{
    "AcquisitionMatrixPE": 84,
    "BandwidthPerPixelPhaseEncode": 20.525,
    "BaseResolution": 84,
    "ConversionSoftware": "dcm2niix",
    "ConversionSoftwareVersion": "v1.0.20171215 GCC4.8.4",
    "DerivedVendorReportedEchoSpacing": 0.000580013,
    "DwellTime": 2.6e-06,
    "EchoTime": 0.03,
    "EffectiveEchoSpacing": 0.000580013,
    "FlipAngle": 31,
    "ImageComments": "Unaliased_MB6_PE3_LB_(remote)",
    "ImageOrientationPatientDICOM": [
        0.998441,
        0.0155737,
        0.053605,
        -7.57265e-09,
        0.960294,
        -0.278991
    ],
    "ImageType": [
        "ORIGINAL",
        "PRIMARY",
        "M",
        "MB",
        "ND",
        "MOSAIC"
    ],
    "InPlanePhaseEncodingDirectionDICOM": "COL",
    "MRAcquisitionType": "2D",
    "MagneticFieldStrength": 3,
    "Manufacturer": "Siemens",
    "ManufacturersModelName": "TrioTim",
    "Modality": "MR",
    "MultibandAccelerationFactor": 6,
    "PartialFourier": 1,
    "PatientPosition": "HFS",
    "PercentPhaseFOV": 100,
    "PhaseEncodingDirection": "j-",
    "PhaseEncodingSteps": 84,
    "PhaseResolution": 1,
    "PixelBandwidth": 2289,
    "ProcedureStepDescription": "CMI_HBN",
    "ProtocolName": "MOVIE",
    "PulseSequenceDetails": "%CustomerSeq%_cmrr_mbep2d_bold",
    "ReceiveCoilName": "32Ch_Head",
    "ReconMatrixPE": 84,
    "RepetitionTime": 0.8,
    "SAR": 0.137677,
    "ScanOptions": "FS",
    "ScanningSequence": "EP",
    "SequenceName": "epfid2d1_84",
    "SequenceVariant": "SK_SS",
    "SeriesDescription": "MOVIE",
    "ShimSetting": [
        2002,
        -649,
        -7632,
        1086,
        -3,
        446,
        -261,
        -310
    ],
    "SliceThickness": 2.4,
    "SliceTiming": [
        0,
        0.5625,
        0.3225,
        0.08,
        0.6425,
        0.4025,
        0.16,
        0.7225,
        0.4825,
        0.24,
        0,
        0.5625,
        0.3225,
        0.08,
        0.6425,
        0.4025,
        0.16,
        0.7225,
        0.4825,
        0.24,
        0,
        0.5625,
        0.3225,
        0.08,
        0.6425,
        0.4025,
        0.16,
        0.7225,
        0.4825,
        0.24,
        0,
        0.5625,
        0.3225,
        0.08,
        0.6425,
        0.4025,
        0.16,
        0.7225,
        0.4825,
        0.24,
        0,
        0.5625,
        0.3225,
        0.08,
        0.6425,
        0.4025,
        0.16,
        0.7225,
        0.4825,
        0.24,
        0,
        0.5625,
        0.3225,
        0.08,
        0.6425,
        0.4025,
        0.16,
        0.7225,
        0.4825,
        0.24
    ],
    "SoftwareVersions": "syngo_MR_B19",
    "SpacingBetweenSlices": 2.4,
    "TaskName": "movieDM",
    "TotalReadoutTime": 0.0481411,
    "TxRefAmp": 320.991
}