{
    "AcquisitionMatrixPE": 320,
    "BaseResolution": 320,
    "ConversionSoftware": "dcm2niix",
    "ConversionSoftwareVersion": "v1.0.20171204 (OpenJPEG build) GCC4.8.4",
    "DwellTime": 1.2e-05,
    "EchoTime": 0.00315,
    "FlipAngle": 8,
    "ImageOrientationPatientDICOM": [
        -0.0331129,
        0.999452,
        4.9469e-09,
        0.00351457,
        0.000116446,
        -0.999994
    ],
    "ImageType": [
        "ORIGINAL",
        "PRIMARY",
        "M",
        "ND",
        "NORM"
    ],
    "InPlanePhaseEncodingDirectionDICOM": "ROW",
    "InversionTime": 1.06,
    "MRAcquisitionType": "3D",
    "MagneticFieldStrength": 3,
    "Manufacturer": "Siemens",
    "ManufacturersModelName": "TrioTim",
    "Modality": "MR",
    "ParallelReductionFactorInPlane": 2,
    "PartialFourier": 1,
    "PatientPosition": "HFS",
    "PercentPhaseFOV": 100,
    "PhaseEncodingSteps": 319,
    "PhaseResolution": 1,
    "PixelBandwidth": 130,
    "ProcedureStepDescription": "CMI_HBN",
    "ProtocolName": "ANAT_T1W",
    "PulseSequenceDetails": "%SiemensSeq%_tfl",
    "ReceiveCoilName": "32Ch_Head",
    "ReconMatrixPE": 320,
    "RepetitionTime": 2.5,
    "SAR": 0.103775,
    "ScanOptions": "IR",
    "ScanningSequence": "GR_IR",
    "SequenceName": "_tfl3d1_ns",
    "SequenceVariant": "SP_MP",
    "SeriesDescription": "ANAT_T1W",
    "ShimSetting": [
        2060,
        -546,
        -7955,
        330,
        367,
        575,
        -130,
        -208
    ],
    "SliceThickness": 0.8,
    "SoftwareVersions": "syngo_MR_B19",
    "TxRefAmp": 312.767,
    "Obliquity": "False",
    "VoxelSizeDim1": 0.8000041842460632,
    "VoxelSizeDim3": 0.800000011920929,
    "VoxelSizeDim2": 0.800000011920929,
    "Dim1Size": 224,
    "Dim2Size": 320,
    "Dim3Size": 320,
    "NumVolumes": 1.0
}