{
    "AcquisitionMatrixPE": 78,
    "BandwidthPerPixelPhaseEncode": 23.31,
    "BaseResolution": 78,
    "ConversionSoftware": "dcm2niix",
    "ConversionSoftwareVersion": "v1.0.20171204 (OpenJPEG build) GCC4.8.4",
    "DerivedVendorReportedEchoSpacing": 0.000550001,
    "DwellTime": 2.7e-06,
    "EchoTime": 0.04,
    "EffectiveEchoSpacing": 0.000550001,
    "FlipAngle": 55,
    "ImageComments": "Unaliased_MB3_PE3",
    "ImageOrientationPatientDICOM": [
        1,
        0,
        0,
        0,
        0.990268,
        -0.139173
    ],
    "ImageType": [
        "ORIGINAL",
        "PRIMARY",
        "M",
        "MB",
        "ND",
        "MOSAIC"
    ],
    "InPlanePhaseEncodingDirectionDICOM": "COL",
    "MRAcquisitionType": "2D",
    "MagneticFieldStrength": 1.5,
    "Manufacturer": "Siemens",
    "ManufacturersModelName": "Avanto",
    "Modality": "MR",
    "MultibandAccelerationFactor": 3,
    "PartialFourier": 1,
    "PatientPosition": "HFS",
    "PercentPhaseFOV": 100,
    "PhaseEncodingDirection": "j-",
    "PhaseEncodingSteps": 78,
    "PhaseResolution": 1,
    "PixelBandwidth": 2374,
    "ProcedureStepDescription": "CMI_HBN",
    "ProtocolName": "Resting_State_2.5mm",
    "PulseSequenceDetails": "%CustomerSeq%_cmrr_mbep2d_bold",
    "ReceiveCoilName": "32Ch_Head",
    "ReconMatrixPE": 78,
    "RepetitionTime": 1.45,
    "SAR": 0.0384098,
    "ScanOptions": "FS",
    "ScanningSequence": "EP",
    "SequenceName": "epfid2d1_78",
    "SequenceVariant": "SK_SS",
    "SeriesDescription": "Resting_State_2.5mm",
    "ShimSetting": [
        144,
        -155,
        461,
        849,
        529,
        -17,
        363,
        145
    ],
    "SliceThickness": 2.5,
    "SliceTiming": [
        0,
        1.0525,
        0.6475,
        0.2425,
        1.295,
        0.89,
        0.485,
        0.08,
        1.1325,
        0.7275,
        0.325,
        1.375,
        0.97,
        0.5675,
        0.1625,
        1.2125,
        0.81,
        0.405,
        0,
        1.0525,
        0.6475,
        0.2425,
        1.295,
        0.89,
        0.485,
        0.08,
        1.1325,
        0.7275,
        0.325,
        1.375,
        0.97,
        0.5675,
        0.1625,
        1.2125,
        0.81,
        0.405,
        0,
        1.0525,
        0.6475,
        0.2425,
        1.295,
        0.89,
        0.485,
        0.08,
        1.1325,
        0.7275,
        0.325,
        1.375,
        0.97,
        0.5675,
        0.1625,
        1.2125,
        0.81,
        0.405
    ],
    "SoftwareVersions": "syngo_MR_B17",
    "SpacingBetweenSlices": 2.5,
    "TaskName": "rest",
    "TotalReadoutTime": 0.04235,
    "TxRefAmp": 235.296
}