{
    "AcquisitionMatrixPE": 64,
    "BaseResolution": 64,
    "ConversionSoftware": "dcm2niix",
    "ConversionSoftwareVersion": "v1.0.20171204 (OpenJPEG build) GCC4.8.4",
    "DwellTime": 3e-05,
    "EchoTime": 0.00328,
    "FlipAngle": 90,
    "ImageOrientationPatientDICOM": [
        1,
        -1e-16,
        0,
        1e-16,
        0.93606,
        -0.351842
    ],
    "ImageType": [
        "ORIGINAL",
        "PRIMARY",
        "M",
        "ND"
    ],
    "InPlanePhaseEncodingDirectionDICOM": "COL",
    "IntendedFor": [
        "ses-HBNsiteSI/func/sub-NDARHF904CWB_ses-HBNsiteSI_task-rest_bold.nii.gz"
    ],
    "MRAcquisitionType": "2D",
    "MagneticFieldStrength": 1.5,
    "Manufacturer": "Siemens",
    "ManufacturersModelName": "Avanto",
    "Modality": "MR",
    "PartialFourier": 1,
    "PatientPosition": "HFS",
    "PercentPhaseFOV": 100,
    "PhaseEncodingDirection": "j-",
    "PhaseEncodingSteps": 64,
    "PhaseResolution": 1,
    "PixelBandwidth": 260,
    "ProcedureStepDescription": "CMI_HBN",
    "ProtocolName": "Field_Map",
    "PulseSequenceDetails": "%SiemensSeq%_gre_field_mapping",
    "ReceiveCoilName": "32Ch_Head",
    "ReconMatrixPE": 64,
    "RepetitionTime": 0.492,
    "SAR": 0.231516,
    "ScanningSequence": "GR",
    "SequenceName": "_fm2d2r",
    "SequenceVariant": "SP",
    "SeriesDescription": "Field_Map",
    "ShimSetting": [
        242,
        -174,
        352,
        1060,
        -44,
        399,
        -79,
        309
    ],
    "SliceThickness": 3,
    "SoftwareVersions": "syngo_MR_B17",
    "SpacingBetweenSlices": 3,
    "TxRefAmp": 231.701,
    "Obliquity": "True",
    "VoxelSizeDim1": 3.0,
    "VoxelSizeDim3": 2.9999969005584717,
    "VoxelSizeDim2": 3.0,
    "Dim1Size": 64,
    "Dim2Size": 64,
    "Dim3Size": 42,
    "NumVolumes": 1.0
}