{
    "InPlanePhaseEncodingDirectionDICOM": "COL",
    "ImageComments": "Unaliased_MB3_PE3",
    "ProcedureStepDescription": "CMI_HBN",
    "DeviceSerialNumber": "26121",
    "AcquisitionMatrixPE": 96,
    "ImageOrientationPatientDICOM": [
        1,
        0,
        0,
        0,
        1,
        0
    ],
    "EffectiveEchoSpacing": 0.00071998,
    "TotalReadoutTime": 0.0683981,
    "ManufacturersModelName": "Avanto",
    "ProtocolName": "DKI_64_Directions_AP_3_WEIGHTS-_AX",
    "PhaseEncodingDirection": "j-",
    "BandwidthPerPixelPhaseEncode": 14.468,
    "RepetitionTime": 4.5,
    "MagneticFieldStrength": 1.5,
    "PhaseEncodingSteps": 72,
    "MRAcquisitionType": "2D",
    "SliceThickness": 2,
    "DwellTime": 3.2e-06,
    "TxRefAmp": 235.145,
    "MultibandAccelerationFactor": 3,
    "DerivedVendorReportedEchoSpacing": 0.00071998,
    "SAR": 0.106044,
    "PixelBandwidth": 1628,
    "ScanningSequence": "EP",
    "Manufacturer": "Siemens",
    "PercentPhaseFOV": 100,
    "ReconMatrixPE": 96,
    "FlipAngle": 90,
    "SeriesDescription": "DKI_64_Directions_AP_3_WEIGHTS-_AX",
    "PartialFourier": 0.75,
    "ConversionSoftwareVersion": "v1.0.20171204 (OpenJPEG build) GCC4.8.4",
    "ShimSetting": [
        92,
        -201,
        501,
        1602,
        494,
        -139,
        275,
        376
    ],
    "PulseSequenceDetails": "%CustomerSeq%_cmrr_mbep2d_diff",
    "PatientPosition": "HFS",
    "SequenceName": "ep_b0",
    "ReceiveCoilName": "32Ch_Head",
    "SpacingBetweenSlices": 2,
    "ImageType": [
        "ORIGINAL",
        "PRIMARY",
        "DIFFUSION",
        "NONE",
        "MB",
        "ND",
        "MOSAIC"
    ],
    "EchoTime": 0.0938,
    "SequenceVariant": "SK_SS",
    "SliceTiming": [
        0,
        2.0725,
        4.1425,
        1.695,
        3.765,
        1.3175,
        3.39,
        0.9425,
        3.0125,
        0.565,
        2.635,
        0.19,
        2.26,
        4.33,
        1.8825,
        3.955,
        1.5075,
        3.5775,
        1.13,
        3.2,
        0.755,
        2.825,
        0.3775,
        2.4475,
        0,
        2.0725,
        4.1425,
        1.695,
        3.765,
        1.3175,
        3.39,
        0.9425,
        3.0125,
        0.565,
        2.635,
        0.19,
        2.26,
        4.33,
        1.8825,
        3.955,
        1.5075,
        3.5775,
        1.13,
        3.2,
        0.755,
        2.825,
        0.3775,
        2.4475,
        0,
        2.0725,
        4.1425,
        1.695,
        3.765,
        1.3175,
        3.39,
        0.9425,
        3.0125,
        0.565,
        2.635,
        0.19,
        2.26,
        4.33,
        1.8825,
        3.955,
        1.5075,
        3.5775,
        1.13,
        3.2,
        0.755,
        2.825,
        0.3775,
        2.4475
    ],
    "PhaseResolution": 1,
    "BaseResolution": 96,
    "ConversionSoftware": "dcm2niix",
    "ScanOptions": "PFP_FS",
    "SoftwareVersions": "syngo_MR_B17",
    "StationName": "MRC26121",
    "Modality": "MR",
    "Obliquity": "False",
    "VoxelSizeDim1": 2.0,
    "VoxelSizeDim3": 2.0,
    "VoxelSizeDim2": 2.0,
    "Dim1Size": 96,
    "Dim2Size": 96,
    "Dim3Size": 72,
    "NumVolumes": 129
}