{
    "AcquisitionMatrixPE": 320,
    "BaseResolution": 320,
    "BodyPartExamined": "BRAIN",
    "ConsistencyInfo": "N4_VE11B_LATEST_20150530",
    "ConversionSoftware": "dcm2niix",
    "ConversionSoftwareVersion": "v1.0.20171204 (OpenJPEG build) GCC4.8.4",
    "DwellTime": 1.2e-05,
    "EchoTime": 0.00315,
    "FlipAngle": 8,
    "ImageOrientationPatientDICOM": [
        0,
        1,
        0,
        0,
        0,
        -1
    ],
    "ImageType": [
        "ORIGINAL",
        "PRIMARY",
        "M",
        "ND",
        "NORM"
    ],
    "InPlanePhaseEncodingDirectionDICOM": "ROW",
    "InversionTime": 1.06,
    "MRAcquisitionType": "3D",
    "MagneticFieldStrength": 3,
    "Manufacturer": "Siemens",
    "ManufacturersModelName": "Prisma_fit",
    "Modality": "MR",
    "ParallelReductionFactorInPlane": 2,
    "PartialFourier": 1,
    "PatientPosition": "HFS",
    "PercentPhaseFOV": 100,
    "PhaseEncodingSteps": 319,
    "PhaseResolution": 1,
    "PixelBandwidth": 130,
    "ProcedureStepDescription": "CMI_HBN-CBIC",
    "ProtocolName": "ANAT_T1W-RU",
    "PulseSequenceDetails": "%SiemensSeq%_tfl",
    "ReceiveCoilActiveElements": "HEA;HEP",
    "ReceiveCoilName": "Head_32",
    "ReconMatrixPE": 320,
    "RepetitionTime": 2.5,
    "SAR": 0.0848542,
    "ScanOptions": "IR",
    "ScanningSequence": "GR_IR",
    "SequenceName": "_tfl3d1_16ns",
    "SequenceVariant": "SK_SP_MP",
    "SeriesDescription": "ANAT_T1W-RU",
    "ShimSetting": [
        190,
        -10383,
        -5869,
        94,
        -9,
        -40,
        -17,
        2
    ],
    "SliceThickness": 0.8,
    "SoftwareVersions": "syngo_MR_E11",
    "TxRefAmp": 208.315,
    "Obliquity": "False",
    "VoxelSizeDim1": 0.7999954223632812,
    "VoxelSizeDim3": 0.800000011920929,
    "VoxelSizeDim2": 0.800000011920929,
    "Dim1Size": 224,
    "Dim2Size": 320,
    "Dim3Size": 320,
    "NumVolumes": 1.0
}