{
    "AcquisitionMatrixPE": 90,
    "BandwidthPerPixelPhaseEncode": 21.786,
    "BaseResolution": 90,
    "BodyPartExamined": "BRAIN",
    "ConsistencyInfo": "N4_VE11B_LATEST_20150530",
    "ConversionSoftware": "dcm2niix",
    "ConversionSoftwareVersion": "v1.0.20171204 (OpenJPEG build) GCC4.8.4",
    "DerivedVendorReportedEchoSpacing": 0.000510012,
    "DwellTime": 2e-06,
    "EchoTime": 0.08,
    "EchoTrainLength": 90,
    "EffectiveEchoSpacing": 0.000510012,
    "FlipAngle": 90,
    "ImageOrientationPatientDICOM": [
        0.998892,
        -0.00189109,
        -0.0470305,
        5.54784e-08,
        0.999193,
        -0.0401763
    ],
    "ImageType": [
        "ORIGINAL",
        "PRIMARY",
        "M",
        "ND"
    ],
    "InPlanePhaseEncodingDirectionDICOM": "COL",
    "IntendedFor": [
        "ses-HBNsiteCBIC/func/sub-NDARLZ745EUN_ses-HBNsiteCBIC_task-peer_run-1_bold.nii.gz",
        "ses-HBNsiteCBIC/func/sub-NDARLZ745EUN_ses-HBNsiteCBIC_task-peer_run-3_bold.nii.gz",
        "ses-HBNsiteCBIC/func/sub-NDARLZ745EUN_ses-HBNsiteCBIC_task-rest_run-1_bold.nii.gz",
        "ses-HBNsiteCBIC/func/sub-NDARLZ745EUN_ses-HBNsiteCBIC_task-peer_run-2_bold.nii.gz",
        "ses-HBNsiteCBIC/func/sub-NDARLZ745EUN_ses-HBNsiteCBIC_task-rest_run-2_bold.nii.gz",
        "ses-HBNsiteCBIC/func/sub-NDARLZ745EUN_ses-HBNsiteCBIC_task-movieTP_bold.nii.gz"
    ],
    "MRAcquisitionType": "2D",
    "MagneticFieldStrength": 3,
    "Manufacturer": "Siemens",
    "ManufacturersModelName": "Prisma_fit",
    "Modality": "MR",
    "PartialFourier": 1,
    "PatientPosition": "HFS",
    "PercentPhaseFOV": 100,
    "PhaseEncodingDirection": "j",
    "PhaseEncodingSteps": 90,
    "PhaseResolution": 1,
    "PixelBandwidth": 2780,
    "ProcedureStepDescription": "CMI_HBN-CBIC",
    "ProtocolName": "ABCD_fMRI_DistortionMap_PA",
    "PulseSequenceDetails": "%SiemensSeq%_ep2d_se",
    "ReceiveCoilActiveElements": "HEA;HEP",
    "ReceiveCoilName": "Head_32",
    "ReconMatrixPE": 90,
    "RepetitionTime": 7.03,
    "SAR": 0.280697,
    "ScanOptions": "FS",
    "ScanningSequence": "EP",
    "SequenceName": "_epse2d1_90",
    "SequenceVariant": "SK_SP",
    "SeriesDescription": "ABCD_fMRI_DistortionMap_PA",
    "ShimSetting": [
        186,
        -10471,
        -5506,
        784,
        13,
        -127,
        159,
        69
    ],
    "SliceThickness": 2.4,
    "SoftwareVersions": "syngo_MR_E11",
    "SpacingBetweenSlices": 2.4,
    "TotalReadoutTime": 0.045391,
    "TxRefAmp": 214.779,
    "VendorReportedEchoSpacing": 0.00051,
    "Obliquity": "True",
    "VoxelSizeDim1": 2.4000000953674316,
    "VoxelSizeDim3": 2.4000000953674316,
    "VoxelSizeDim2": 2.4000000953674316,
    "Dim1Size": 90,
    "Dim2Size": 90,
    "Dim3Size": 60
}