{
    "AcquisitionMatrixPE": 140,
    "BandwidthPerPixelPhaseEncode": 10.661,
    "BaseResolution": 140,
    "BodyPartExamined": "BRAIN",
    "ConsistencyInfo": "N4_VE11B_LATEST_20150530",
    "ConversionSoftware": "dcm2niix",
    "ConversionSoftwareVersion": "v1.0.20171204 (OpenJPEG build) GCC4.8.4",
    "DerivedVendorReportedEchoSpacing": 0.000669999,
    "DwellTime": 2.1e-06,
    "EchoTime": 0.089,
    "EchoTrainLength": 105,
    "EffectiveEchoSpacing": 0.000669999,
    "FlipAngle": 90,
    "ImageOrientationPatientDICOM": [
        1,
        0,
        3.686e-12,
        0,
        1,
        4.8885e-11
    ],
    "ImageType": [
        "ORIGINAL",
        "PRIMARY",
        "DIFFUSION",
        "NONE",
        "ND",
        "MOSAIC"
    ],
    "InPlanePhaseEncodingDirectionDICOM": "COL",
    "MRAcquisitionType": "2D",
    "MagneticFieldStrength": 3,
    "Manufacturer": "Siemens",
    "ManufacturersModelName": "Prisma_fit",
    "Modality": "MR",
    "MultibandAccelerationFactor": 3,
    "PartialFourier": 0.75,
    "PatientPosition": "HFS",
    "PercentPhaseFOV": 100,
    "PhaseEncodingDirection": "j-",
    "PhaseEncodingSteps": 105,
    "PhaseResolution": 1,
    "PixelBandwidth": 1700,
    "ProcedureStepDescription": "CMI_HBN-CBIC",
    "ProtocolName": "ABCD_dMRI",
    "PulseSequenceDetails": "%CustomerSeq%_ep2d_diff_sms_abcd",
    "ReceiveCoilActiveElements": "HEA;HEP",
    "ReceiveCoilName": "Head_32",
    "ReconMatrixPE": 140,
    "RepetitionTime": 4.1,
    "SAR": 0.269664,
    "ScanOptions": "PFP_FS",
    "ScanningSequence": "EP",
    "SequenceName": "ep_b0",
    "SequenceVariant": "SK_SP",
    "SeriesDescription": "ABCD_dMRI",
    "ShimSetting": [
        211,
        -10510,
        -5631,
        592,
        0,
        -72,
        -59,
        -59
    ],
    "SliceThickness": 1.7,
    "SliceTiming": [
        0,
        2.115,
        0.15,
        2.265,
        0.3025,
        2.4175,
        0.4525,
        2.5675,
        0.605,
        2.72,
        0.755,
        2.87,
        0.905,
        3.0225,
        1.0575,
        3.1725,
        1.2075,
        3.325,
        1.36,
        3.475,
        1.51,
        3.625,
        1.6625,
        3.7775,
        1.8125,
        3.9275,
        1.965,
        0,
        2.115,
        0.15,
        2.265,
        0.3025,
        2.4175,
        0.4525,
        2.5675,
        0.605,
        2.72,
        0.755,
        2.87,
        0.905,
        3.0225,
        1.0575,
        3.1725,
        1.2075,
        3.325,
        1.36,
        3.475,
        1.51,
        3.625,
        1.6625,
        3.7775,
        1.8125,
        3.9275,
        1.965,
        0,
        2.115,
        0.15,
        2.265,
        0.3025,
        2.4175,
        0.4525,
        2.5675,
        0.605,
        2.72,
        0.755,
        2.87,
        0.905,
        3.0225,
        1.0575,
        3.1725,
        1.2075,
        3.325,
        1.36,
        3.475,
        1.51,
        3.625,
        1.6625,
        3.7775,
        1.8125,
        3.9275,
        1.965
    ],
    "SoftwareVersions": "syngo_MR_E11",
    "SpacingBetweenSlices": 1.7,
    "TotalReadoutTime": 0.0931298,
    "TxRefAmp": 214.71,
    "Obliquity": "False",
    "VoxelSizeDim1": 1.7142857313156128,
    "VoxelSizeDim3": 1.7000000476837158,
    "VoxelSizeDim2": 1.7142857313156128,
    "Dim1Size": 140,
    "Dim2Size": 140,
    "Dim3Size": 81,
    "NumVolumes": 129
}