{
    "AcquisitionMatrixPE": 84,
    "BandwidthPerPixelPhaseEncode": 20.525,
    "BaseResolution": 84,
    "ConversionSoftware": "dcm2niix",
    "ConversionSoftwareVersion": "v1.0.20171204 (OpenJPEG build) GCC4.8.4",
    "DerivedVendorReportedEchoSpacing": 0.000580013,
    "DwellTime": 2.6e-06,
    "EchoTime": 0.03,
    "EffectiveEchoSpacing": 0.000580013,
    "FlipAngle": 31,
    "ImageComments": "Unaliased_MB6_PE3_LB_(remote)",
    "ImageOrientationPatientDICOM": [
        0.999194,
        0.0139232,
        0.0376391,
        -7.70922e-08,
        0.937889,
        -0.346936
    ],
    "ImageType": [
        "ORIGINAL",
        "PRIMARY",
        "M",
        "MB",
        "ND",
        "MOSAIC"
    ],
    "InPlanePhaseEncodingDirectionDICOM": "COL",
    "MRAcquisitionType": "2D",
    "MagneticFieldStrength": 3,
    "Manufacturer": "Siemens",
    "ManufacturersModelName": "TrioTim",
    "Modality": "MR",
    "MultibandAccelerationFactor": 6,
    "PartialFourier": 1,
    "PatientPosition": "HFS",
    "PercentPhaseFOV": 100,
    "PhaseEncodingDirection": "j-",
    "PhaseEncodingSteps": 84,
    "PhaseResolution": 1,
    "PixelBandwidth": 2289,
    "ProcedureStepDescription": "CMI_HBN",
    "ProtocolName": "PEER3",
    "PulseSequenceDetails": "%CustomerSeq%_cmrr_mbep2d_bold",
    "ReceiveCoilName": "32Ch_Head",
    "ReconMatrixPE": 84,
    "RepetitionTime": 0.8,
    "SAR": 0.235428,
    "ScanOptions": "FS",
    "ScanningSequence": "EP",
    "SequenceName": "epfid2d1_84",
    "SequenceVariant": "SK_SS",
    "SeriesDescription": "PEER3",
    "ShimSetting": [
        2106,
        -513,
        -7642,
        835,
        452,
        327,
        -28,
        -199
    ],
    "SliceThickness": 2.4,
    "SliceTiming": [
        0,
        0.5625,
        0.3225,
        0.08,
        0.6425,
        0.4025,
        0.1625,
        0.7225,
        0.4825,
        0.2425,
        0,
        0.5625,
        0.3225,
        0.08,
        0.6425,
        0.4025,
        0.1625,
        0.7225,
        0.4825,
        0.2425,
        0,
        0.5625,
        0.3225,
        0.08,
        0.6425,
        0.4025,
        0.1625,
        0.7225,
        0.4825,
        0.2425,
        0,
        0.5625,
        0.3225,
        0.08,
        0.6425,
        0.4025,
        0.1625,
        0.7225,
        0.4825,
        0.2425,
        0,
        0.5625,
        0.3225,
        0.08,
        0.6425,
        0.4025,
        0.1625,
        0.7225,
        0.4825,
        0.2425,
        0,
        0.5625,
        0.3225,
        0.08,
        0.6425,
        0.4025,
        0.1625,
        0.7225,
        0.4825,
        0.2425
    ],
    "SoftwareVersions": "syngo_MR_B19",
    "SpacingBetweenSlices": 2.4,
    "TaskName": "peer",
    "TotalReadoutTime": 0.0481411,
    "TxRefAmp": 300.334
}