{
    "AcquisitionMatrixPE": 104,
    "BandwidthPerPixelPhaseEncode": 23.17,
    "BaseResolution": 104,
    "ConversionSoftware": "dcm2niix",
    "ConversionSoftwareVersion": "v1.0.20171204 (OpenJPEG build) GCC4.8.4",
    "DerivedVendorReportedEchoSpacing": 0.000829986,
    "DwellTime": 3.5e-06,
    "EchoTime": 0.1002,
    "EffectiveEchoSpacing": 0.000414993,
    "FlipAngle": 90,
    "ImageComments": "Unaliased_MB3_PE4_(remote)_SENSE1",
    "ImageOrientationPatientDICOM": [
        0.999513,
        -0.026599,
        0.0163364,
        0.0279189,
        0.99584,
        -0.0867324
    ],
    "ImageType": [
        "ORIGINAL",
        "PRIMARY",
        "DIFFUSION",
        "NONE",
        "MB",
        "ND"
    ],
    "InPlanePhaseEncodingDirectionDICOM": "COL",
    "IntendedFor": [
        "ses-HBNsiteRU/dwi/sub-NDARTB294NF0_ses-HBNsiteRU_acq-64dir_dwi.nii.gz"
    ],
    "MRAcquisitionType": "2D",
    "MagneticFieldStrength": 3,
    "Manufacturer": "Siemens",
    "ManufacturersModelName": "TrioTim",
    "Modality": "MR",
    "ParallelReductionFactorInPlane": 2,
    "PartialFourier": 1,
    "PatientPosition": "HFS",
    "PercentPhaseFOV": 100,
    "PhaseEncodingDirection": "j-",
    "PhaseEncodingSteps": 103,
    "PhaseResolution": 1,
    "PixelBandwidth": 1374,
    "ProcedureStepDescription": "CMI_HBN",
    "ProtocolName": "DKI_DistortionMap_AP",
    "PulseSequenceDetails": "%CustomerSeq%_cmrr_mbep2d_diff",
    "ReceiveCoilName": "32Ch_Head",
    "ReconMatrixPE": 104,
    "RepetitionTime": 3.32,
    "SAR": 0.192445,
    "ScanOptions": "FS",
    "ScanningSequence": "EP",
    "SequenceName": "ep_b0",
    "SequenceVariant": "SK_SS",
    "SeriesDescription": "DKI_DistortionMap_AP",
    "ShimSetting": [
        2125,
        -541,
        -7509,
        1070,
        69,
        779,
        50,
        -311
    ],
    "SliceThickness": 1.8,
    "SoftwareVersions": "syngo_MR_B19",
    "SpacingBetweenSlices": 1.8,
    "TotalReadoutTime": 0.0427443,
    "TxRefAmp": 320.111,
    "Obliquity": "True",
    "VoxelSizeDim1": 1.798076868057251,
    "VoxelSizeDim3": 1.8000010251998901,
    "VoxelSizeDim2": 1.798076868057251,
    "Dim1Size": 104,
    "Dim2Size": 104,
    "Dim3Size": 72,
    "NumVolumes": 1.0
}