{
    "AcquisitionMatrixPE": 84,
    "BandwidthPerPixelPhaseEncode": 20.178,
    "BaseResolution": 84,
    "BodyPartExamined": "BRAIN",
    "ConsistencyInfo": "N4_VE11C_LATEST_20160120",
    "ConversionSoftware": "dcm2niix",
    "ConversionSoftwareVersion": "v1.0.20171215 GCC4.8.4",
    "DerivedVendorReportedEchoSpacing": 0.000589987,
    "DwellTime": 2.6e-06,
    "EchoTime": 0.03,
    "EchoTrainLength": 84,
    "EffectiveEchoSpacing": 0.000589987,
    "FlipAngle": 31,
    "ImageComments": "Unaliased_MB6_PE3_LB",
    "ImageOrientationPatientDICOM": [
        1,
        0,
        0,
        0,
        1,
        0
    ],
    "ImageType": [
        "ORIGINAL",
        "PRIMARY",
        "M",
        "MB",
        "ND",
        "MOSAIC"
    ],
    "InPlanePhaseEncodingDirectionDICOM": "COL",
    "MRAcquisitionType": "2D",
    "MagneticFieldStrength": 3,
    "Manufacturer": "Siemens",
    "ManufacturersModelName": "Prisma",
    "Modality": "MR",
    "MultibandAccelerationFactor": 6,
    "PartialFourier": 1,
    "PatientPosition": "HFS",
    "PercentPhaseFOV": 100,
    "PhaseEncodingDirection": "j-",
    "PhaseEncodingSteps": 84,
    "PhaseResolution": 1,
    "PixelBandwidth": 2290,
    "ProcedureStepDescription": "CMI_CUNY_HBN",
    "ProtocolName": "cmrr_MOVIE2",
    "PulseSequenceDetails": "%CustomerSeq%_cmrr_mbep2d_bold",
    "ReceiveCoilActiveElements": "HEA;HEP",
    "ReceiveCoilName": "Head_32",
    "ReconMatrixPE": 84,
    "RepetitionTime": 0.8,
    "SAR": 0.0365488,
    "ScanOptions": "FS_EXT",
    "ScanningSequence": "EP",
    "SequenceName": "epfid2d1_84",
    "SequenceVariant": "SK_SS",
    "SeriesDescription": "cmrr_MOVIE2",
    "ShimSetting": [
        -1604,
        -10228,
        2298,
        676,
        102,
        -262,
        170,
        34
    ],
    "SliceThickness": 2.4,
    "SliceTiming": [
        0,
        0.5475,
        0.3125,
        0.0775,
        0.625,
        0.39,
        0.1575,
        0.7025,
        0.4675,
        0.235,
        0,
        0.5475,
        0.3125,
        0.0775,
        0.625,
        0.39,
        0.1575,
        0.7025,
        0.4675,
        0.235,
        0,
        0.5475,
        0.3125,
        0.0775,
        0.625,
        0.39,
        0.1575,
        0.7025,
        0.4675,
        0.235,
        0,
        0.5475,
        0.3125,
        0.0775,
        0.625,
        0.39,
        0.1575,
        0.7025,
        0.4675,
        0.235,
        0,
        0.5475,
        0.3125,
        0.0775,
        0.625,
        0.39,
        0.1575,
        0.7025,
        0.4675,
        0.235,
        0,
        0.5475,
        0.3125,
        0.0775,
        0.625,
        0.39,
        0.1575,
        0.7025,
        0.4675,
        0.235
    ],
    "SoftwareVersions": "syngo_MR_E11",
    "SpacingBetweenSlices": 2.4,
    "TaskName": "movieTP",
    "TotalReadoutTime": 0.0489689,
    "TxRefAmp": 232.026
}