{
    "AcquisitionMatrixPE": 84,
    "BandwidthPerPixelPhaseEncode": 23.81,
    "BaseResolution": 84,
    "BodyPartExamined": "BRAIN",
    "ConsistencyInfo": "N4_VE11B_LATEST_20150530",
    "ConversionSoftware": "dcm2niix",
    "ConversionSoftwareVersion": "v1.0.20171204 (OpenJPEG build) GCC4.8.4",
    "DerivedVendorReportedEchoSpacing": 0.00049999,
    "DwellTime": 2.6e-06,
    "EchoTime": 0.0512,
    "EchoTrainLength": 84,
    "EffectiveEchoSpacing": 0.00049999,
    "FlipAngle": 90,
    "ImageOrientationPatientDICOM": [
        1,
        0,
        0,
        0,
        0.998719,
        -0.0505929
    ],
    "ImageType": [
        "ORIGINAL",
        "PRIMARY",
        "M",
        "ND",
        "MOSAIC"
    ],
    "InPlanePhaseEncodingDirectionDICOM": "COL",
    "IntendedFor": [
        "ses-HBNsiteCBIC/func/sub-NDARRR813CY6_ses-HBNsiteCBIC_task-movieDM_bold.nii.gz",
        "ses-HBNsiteCBIC/func/sub-NDARRR813CY6_ses-HBNsiteCBIC_task-peer_run-3_bold.nii.gz",
        "ses-HBNsiteCBIC/func/sub-NDARRR813CY6_ses-HBNsiteCBIC_task-movieTP_bold.nii.gz",
        "ses-HBNsiteCBIC/func/sub-NDARRR813CY6_ses-HBNsiteCBIC_task-rest_run-1_bold.nii.gz",
        "ses-HBNsiteCBIC/func/sub-NDARRR813CY6_ses-HBNsiteCBIC_task-peer_run-2_bold.nii.gz",
        "ses-HBNsiteCBIC/func/sub-NDARRR813CY6_ses-HBNsiteCBIC_task-peer_run-1_bold.nii.gz",
        "ses-HBNsiteCBIC/func/sub-NDARRR813CY6_ses-HBNsiteCBIC_task-rest_run-2_bold.nii.gz"
    ],
    "MRAcquisitionType": "2D",
    "MagneticFieldStrength": 3,
    "Manufacturer": "Siemens",
    "ManufacturersModelName": "Prisma_fit",
    "Modality": "MR",
    "PartialFourier": 1,
    "PatientPosition": "HFS",
    "PercentPhaseFOV": 100,
    "PhaseEncodingDirection": "j",
    "PhaseEncodingSteps": 84,
    "PhaseResolution": 1,
    "PixelBandwidth": 2290,
    "ProcedureStepDescription": "CMI_HBN-CBIC",
    "ProtocolName": "cmrr_fMRI_DistortionMap_PA",
    "PulseSequenceDetails": "%CustomerSeq%_cmrr_mbep2d_se",
    "ReceiveCoilActiveElements": "HEA;HEP",
    "ReceiveCoilName": "Head_32",
    "ReconMatrixPE": 84,
    "RepetitionTime": 5.301,
    "SAR": 0.319284,
    "ScanOptions": "FS",
    "ScanningSequence": "EP",
    "SequenceName": "epse2d1_84",
    "SequenceVariant": "SK",
    "SeriesDescription": "cmrr_fMRI_DistortionMap_PA",
    "ShimSetting": [
        210,
        -10548,
        -5638,
        878,
        41,
        -341,
        175,
        25
    ],
    "SliceThickness": 2.4,
    "SliceTiming": [
        2.6425,
        0,
        2.73,
        0.09,
        2.8175,
        0.1775,
        2.905,
        0.265,
        2.9925,
        0.3525,
        3.0825,
        0.44,
        3.17,
        0.53,
        3.2575,
        0.6175,
        3.345,
        0.705,
        3.4325,
        0.7925,
        3.5225,
        0.88,
        3.61,
        0.97,
        3.6975,
        1.0575,
        3.785,
        1.145,
        3.8725,
        1.2325,
        3.9625,
        1.3225,
        4.05,
        1.41,
        4.1375,
        1.4975,
        4.225,
        1.585,
        4.3125,
        1.6725,
        4.4025,
        1.7625,
        4.49,
        1.85,
        4.5775,
        1.9375,
        4.665,
        2.025,
        4.7525,
        2.1125,
        4.8425,
        2.2025,
        4.93,
        2.29,
        5.0175,
        2.3775,
        5.105,
        2.465,
        5.1925,
        2.5525
    ],
    "SoftwareVersions": "syngo_MR_E11",
    "SpacingBetweenSlices": 2.4,
    "TotalReadoutTime": 0.0414992,
    "TxRefAmp": 210.579,
    "Obliquity": "True",
    "VoxelSizeDim1": 2.404761791229248,
    "VoxelSizeDim3": 2.3999998569488525,
    "VoxelSizeDim2": 2.404761791229248,
    "Dim1Size": 84,
    "Dim2Size": 84,
    "Dim3Size": 60,
    "NumVolumes": 1.0
}