{
    "InPlanePhaseEncodingDirectionDICOM": "ROW",
    "ProcedureStepDescription": "CMI_HBN",
    "DeviceSerialNumber": "35450",
    "ConversionSoftwareVersion": "v1.0.20171215 GCC4.8.4",
    "AcquisitionMatrixPE": 325,
    "ImageOrientationPatientDICOM": [
        -0.113203,
        0.993572,
        -3.54416e-08,
        0.0468036,
        0.00533256,
        -0.99889
    ],
    "ManufacturersModelName": "TrioTim",
    "ProtocolName": "T2SPACE",
    "RepetitionTime": 3.2,
    "PhaseEncodingSteps": 320,
    "MRAcquisitionType": "3D",
    "ParallelReductionFactorInPlane": 2,
    "SliceThickness": 0.8,
    "DwellTime": 2.1e-06,
    "TxRefAmp": 327.284,
    "EchoTrainLength": 195,
    "SAR": 0.382974,
    "PulseSequenceDetails": "%SiemensSeq%_tse_vfl",
    "ScanningSequence": "SE",
    "Manufacturer": "Siemens",
    "ConversionSoftware": "dcm2niix",
    "PercentPhaseFOV": 100,
    "ReconMatrixPE": 320,
    "FlipAngle": 120,
    "PhaseOversampling": 0.101562,
    "SeriesDescription": "T2SPACE",
    "PartialFourier": 1,
    "ShimSetting": [
        1962,
        -560,
        -7993,
        406,
        72,
        417,
        -339,
        -235
    ],
    "SequenceName": "_spc3d1_390ns",
    "MagneticFieldStrength": 3,
    "ImageType": [
        "ORIGINAL",
        "PRIMARY",
        "M",
        "ND"
    ],
    "ReceiveCoilName": "32Ch_Head",
    "EchoTime": 0.567,
    "SequenceVariant": "SK_SP_OSP",
    "PhaseResolution": 1.01705,
    "BaseResolution": 320,
    "PixelBandwidth": 744,
    "ScanOptions": "PFP",
    "SoftwareVersions": "syngo_MR_B19",
    "StationName": "MRC35450",
    "Modality": "MR",
    "PatientPosition": "HFS",
    "Obliquity": "False",
    "VoxelSizeDim1": 0.8000016808509827,
    "VoxelSizeDim3": 0.800000011920929,
    "VoxelSizeDim2": 0.800000011920929,
    "Dim1Size": 224,
    "Dim2Size": 320,
    "Dim3Size": 320,
    "NumVolumes": 1.0
}