{
    "AcquisitionMatrixPE": 64,
    "BaseResolution": 64,
    "ConversionSoftware": "dcm2niix",
    "ConversionSoftwareVersion": "v1.0.20171204 (OpenJPEG build) GCC4.8.4",
    "DwellTime": 3e-05,
    "EchoNumber": 2,
    "EchoTime": 0.00804,
    "FlipAngle": 90,
    "ImageOrientationPatientDICOM": [
        0.999245,
        -0.004133,
        -0.0386321,
        9.10595e-09,
        0.994326,
        -0.106376
    ],
    "ImageType": [
        "ORIGINAL",
        "PRIMARY",
        "M",
        "ND"
    ],
    "InPlanePhaseEncodingDirectionDICOM": "COL",
    "IntendedFor": [
        "ses-HBNsiteSI/func/sub-NDARHD059PEQ_ses-HBNsiteSI_task-rest_bold.nii.gz"
    ],
    "MRAcquisitionType": "2D",
    "MagneticFieldStrength": 1.5,
    "Manufacturer": "Siemens",
    "ManufacturersModelName": "Avanto",
    "Modality": "MR",
    "PartialFourier": 1,
    "PatientPosition": "HFS",
    "PercentPhaseFOV": 100,
    "PhaseEncodingDirection": "j-",
    "PhaseEncodingSteps": 64,
    "PhaseResolution": 1,
    "PixelBandwidth": 260,
    "ProcedureStepDescription": "CMI_HBN",
    "ProtocolName": "Field_Map",
    "PulseSequenceDetails": "%SiemensSeq%_gre_field_mapping",
    "ReceiveCoilName": "32Ch_Head",
    "ReconMatrixPE": 64,
    "RepetitionTime": 0.492,
    "SAR": 0.302833,
    "ScanningSequence": "GR",
    "SequenceName": "_fm2d2r",
    "SequenceVariant": "SP",
    "SeriesDescription": "Field_Map",
    "ShimSetting": [
        177,
        -229,
        451,
        1475,
        314,
        -598,
        1112,
        251
    ],
    "SliceThickness": 3,
    "SoftwareVersions": "syngo_MR_B17",
    "SpacingBetweenSlices": 3,
    "TxRefAmp": 238.38
}