{
    "AcquisitionMatrixPE": 84,
    "BandwidthPerPixelPhaseEncode": 16.767,
    "BaseResolution": 84,
    "ConversionSoftware": "dcm2niix",
    "ConversionSoftwareVersion": "v1.0.20171204 (OpenJPEG build) GCC4.8.4",
    "DerivedVendorReportedEchoSpacing": 0.000710011,
    "DwellTime": 2.6e-06,
    "EchoTime": 0.0356,
    "EffectiveEchoSpacing": 0.000710011,
    "FlipAngle": 31,
    "ImageComments": "Unaliased_MB6_PE3_LB",
    "ImageOrientationPatientDICOM": [
        0.99929,
        -0.00719527,
        -0.0369892,
        1.8179e-11,
        0.981601,
        -0.190945
    ],
    "ImageType": [
        "ORIGINAL",
        "PRIMARY",
        "M",
        "MB",
        "ND",
        "MOSAIC"
    ],
    "InPlanePhaseEncodingDirectionDICOM": "ROW",
    "MRAcquisitionType": "2D",
    "MagneticFieldStrength": 3,
    "Manufacturer": "Siemens",
    "ManufacturersModelName": "TrioTim",
    "Modality": "MR",
    "MultibandAccelerationFactor": 6,
    "PartialFourier": 1,
    "PatientPosition": "HFS",
    "PercentPhaseFOV": 100,
    "PhaseEncodingDirection": "i",
    "PhaseEncodingSteps": 84,
    "PhaseResolution": 1,
    "PixelBandwidth": 2289,
    "ProcedureStepDescription": "CMI_HBN",
    "ProtocolName": "REST",
    "PulseSequenceDetails": "%CustomerSeq%_cmrr_mbep2d_bold",
    "ReceiveCoilName": "32Ch_Head",
    "ReconMatrixPE": 84,
    "RepetitionTime": 0.8,
    "SAR": 0.123756,
    "ScanOptions": "FS",
    "ScanningSequence": "EP",
    "SequenceName": "epfid2d1_84",
    "SequenceVariant": "SK_SS",
    "SeriesDescription": "REST",
    "ShimSetting": [
        1933,
        -638,
        -7664,
        870,
        314,
        -33,
        540,
        24
    ],
    "SliceThickness": 2.4,
    "SliceTiming": [
        0,
        0.5625,
        0.32,
        0.08,
        0.6425,
        0.4025,
        0.16,
        0.7225,
        0.4825,
        0.24,
        0,
        0.5625,
        0.32,
        0.08,
        0.6425,
        0.4025,
        0.16,
        0.7225,
        0.4825,
        0.24,
        0,
        0.5625,
        0.32,
        0.08,
        0.6425,
        0.4025,
        0.16,
        0.7225,
        0.4825,
        0.24,
        0,
        0.5625,
        0.32,
        0.08,
        0.6425,
        0.4025,
        0.16,
        0.7225,
        0.4825,
        0.24,
        0,
        0.5625,
        0.32,
        0.08,
        0.6425,
        0.4025,
        0.16,
        0.7225,
        0.4825,
        0.24,
        0,
        0.5625,
        0.32,
        0.08,
        0.6425,
        0.4025,
        0.16,
        0.7225,
        0.4825,
        0.24
    ],
    "SoftwareVersions": "syngo_MR_B19",
    "SpacingBetweenSlices": 2.4,
    "TaskName": "rest",
    "TotalReadoutTime": 0.0589309,
    "TxRefAmp": 330.631,
    "Obliquity": "True",
    "VoxelSizeDim1": 2.4285712242126465,
    "VoxelSizeDim3": 2.4000003337860107,
    "VoxelSizeDim2": 2.4285714626312256,
    "Dim1Size": 84,
    "Dim2Size": 84,
    "Dim3Size": 60,
    "NumVolumes": 750
}