{
    "AcquisitionMatrixPE": 84,
    "BandwidthPerPixelPhaseEncode": 20.525,
    "BaseResolution": 84,
    "ConversionSoftware": "dcm2niix",
    "ConversionSoftwareVersion": "v1.0.20171204 (OpenJPEG build) GCC4.8.4",
    "DerivedVendorReportedEchoSpacing": 0.000580013,
    "DwellTime": 2.6e-06,
    "EchoTime": 0.03,
    "EffectiveEchoSpacing": 0.000580013,
    "FlipAngle": 31,
    "ImageComments": "Unaliased_MB6_PE3_LB_(remote)",
    "ImageOrientationPatientDICOM": [
        0.99988,
        0.00266068,
        0.015243,
        -3.38323e-08,
        0.985106,
        -0.17195
    ],
    "ImageType": [
        "ORIGINAL",
        "PRIMARY",
        "M",
        "MB",
        "ND",
        "MOSAIC"
    ],
    "InPlanePhaseEncodingDirectionDICOM": "COL",
    "MRAcquisitionType": "2D",
    "MagneticFieldStrength": 3,
    "Manufacturer": "Siemens",
    "ManufacturersModelName": "TrioTim",
    "Modality": "MR",
    "MultibandAccelerationFactor": 6,
    "PartialFourier": 1,
    "PatientPosition": "HFS",
    "PercentPhaseFOV": 100,
    "PhaseEncodingDirection": "j-",
    "PhaseEncodingSteps": 84,
    "PhaseResolution": 1,
    "PixelBandwidth": 2289,
    "ProcedureStepDescription": "CMI_HBN",
    "ProtocolName": "MOVIE_2",
    "PulseSequenceDetails": "%CustomerSeq%_cmrr_mbep2d_bold",
    "ReceiveCoilName": "32Ch_Head",
    "ReconMatrixPE": 84,
    "RepetitionTime": 0.8,
    "SAR": 0.0895941,
    "ScanOptions": "FS",
    "ScanningSequence": "EP",
    "SequenceName": "epfid2d1_84",
    "SequenceVariant": "SK_SS",
    "SeriesDescription": "MOVIE_2",
    "ShimSetting": [
        2088,
        -441,
        -7795,
        930,
        28,
        1303,
        569,
        -141
    ],
    "SliceThickness": 2.4,
    "SliceTiming": [
        0,
        0.56,
        0.32,
        0.08,
        0.64,
        0.4,
        0.16,
        0.7225,
        0.48,
        0.24,
        0,
        0.56,
        0.32,
        0.08,
        0.64,
        0.4,
        0.16,
        0.7225,
        0.48,
        0.24,
        0,
        0.56,
        0.32,
        0.08,
        0.64,
        0.4,
        0.16,
        0.7225,
        0.48,
        0.24,
        0,
        0.56,
        0.32,
        0.08,
        0.64,
        0.4,
        0.16,
        0.7225,
        0.48,
        0.24,
        0,
        0.56,
        0.32,
        0.08,
        0.64,
        0.4,
        0.16,
        0.7225,
        0.48,
        0.24,
        0,
        0.56,
        0.32,
        0.08,
        0.64,
        0.4,
        0.16,
        0.7225,
        0.48,
        0.24
    ],
    "SoftwareVersions": "syngo_MR_B19",
    "SpacingBetweenSlices": 2.4,
    "TaskName": "movieTP",
    "TotalReadoutTime": 0.0481411,
    "TxRefAmp": 288.614,
    "Obliquity": "True",
    "VoxelSizeDim1": 2.4285714626312256,
    "VoxelSizeDim3": 2.4000000953674316,
    "VoxelSizeDim2": 2.4285714626312256,
    "Dim1Size": 84,
    "Dim2Size": 84,
    "Dim3Size": 60,
    "NumVolumes": 250
}