{
    "InPlanePhaseEncodingDirectionDICOM": "ROW",
    "ConsistencyInfo": "N4_VE11B_LATEST_20150530",
    "ProcedureStepDescription": "CMI_HBN-CBIC",
    "DeviceSerialNumber": "67080",
    "AcquisitionMatrixPE": 256,
    "ImageOrientationPatientDICOM": [
        0.0244359,
        0.999701,
        1.61977e-08,
        0.0174419,
        -0.00042632,
        -0.999848
    ],
    "ManufacturersModelName": "Prisma_fit",
    "ProtocolName": "ABCD_T2w_SPC_vNav",
    "RepetitionTime": 3.2,
    "EchoTrainLength": 190,
    "PhaseEncodingSteps": 227,
    "MRAcquisitionType": "3D",
    "ParallelReductionFactorInPlane": 2,
    "SliceThickness": 1,
    "DwellTime": 8.1e-06,
    "TxRefAmp": 217.547,
    "BodyPartExamined": "BRAIN",
    "ReceiveCoilActiveElements": "HEA;HEP",
    "SAR": 0.111288,
    "PulseSequenceDetails": "%CustomerSeq%_tse_vfl_mgh_epinav_ABCD",
    "ScanningSequence": "SE",
    "Manufacturer": "Siemens",
    "ConversionSoftware": "dcm2niix",
    "PercentPhaseFOV": 100,
    "ReconMatrixPE": 256,
    "FlipAngle": 120,
    "ConversionSoftwareVersion": "v1.0.20171204 (OpenJPEG build) GCC4.8.4",
    "SeriesDescription": "ABCD_T2w_SPC_vNav",
    "PartialFourier": 1,
    "ShimSetting": [
        196,
        -10437,
        -5527,
        416,
        -39,
        -22,
        128,
        -20
    ],
    "PatientPosition": "HFS",
    "SequenceName": "spc_200ns",
    "MagneticFieldStrength": 3,
    "ImageType": [
        "ORIGINAL",
        "PRIMARY",
        "M",
        "ND"
    ],
    "ReceiveCoilName": "Head_32",
    "EchoTime": 0.565,
    "SequenceVariant": "SK_SP",
    "PhaseResolution": 1,
    "BaseResolution": 256,
    "PixelBandwidth": 240,
    "ScanOptions": "PFP",
    "SoftwareVersions": "syngo_MR_E11",
    "StationName": "MRTRIO3TX72",
    "Modality": "MR",
    "Obliquity": "False",
    "VoxelSizeDim1": 1.0000008344650269,
    "VoxelSizeDim3": 0.9999999403953552,
    "VoxelSizeDim2": 0.9999999403953552,
    "Dim1Size": 176,
    "Dim2Size": 256,
    "Dim3Size": 256,
    "NumVolumes": 1.0
}