{
    "AcquisitionMatrixPE": 84,
    "BandwidthPerPixelPhaseEncode": 20.178,
    "BaseResolution": 84,
    "BodyPartExamined": "BRAIN",
    "ConsistencyInfo": "N4_VE11B_LATEST_20150530",
    "ConversionSoftware": "dcm2niix",
    "ConversionSoftwareVersion": "v1.0.20171215 GCC4.8.4",
    "DerivedVendorReportedEchoSpacing": 0.000589987,
    "DwellTime": 2.6e-06,
    "EchoTime": 0.03,
    "EchoTrainLength": 84,
    "EffectiveEchoSpacing": 0.000589987,
    "FlipAngle": 31,
    "ImageComments": "Unaliased_MB6_PE3_LB",
    "ImageOrientationPatientDICOM": [
        0.996645,
        0.00401135,
        0.0817423,
        4.98577e-09,
        0.998798,
        -0.0490142
    ],
    "ImageType": [
        "ORIGINAL",
        "PRIMARY",
        "M",
        "MB",
        "ND",
        "MOSAIC"
    ],
    "InPlanePhaseEncodingDirectionDICOM": "COL",
    "MRAcquisitionType": "2D",
    "MagneticFieldStrength": 3,
    "Manufacturer": "Siemens",
    "ManufacturersModelName": "Prisma_fit",
    "Modality": "MR",
    "MultibandAccelerationFactor": 6,
    "PartialFourier": 1,
    "PatientPosition": "HFS",
    "PercentPhaseFOV": 100,
    "PhaseEncodingDirection": "j-",
    "PhaseEncodingSteps": 84,
    "PhaseResolution": 1,
    "PixelBandwidth": 2290,
    "ProcedureStepDescription": "CMI_HBN-CBIC",
    "ProtocolName": "cmrr_REST1",
    "PulseSequenceDetails": "%CustomerSeq%_cmrr_mbep2d_bold",
    "ReceiveCoilActiveElements": "HEA;HEP",
    "ReceiveCoilName": "Head_32",
    "ReconMatrixPE": 84,
    "RepetitionTime": 0.8,
    "SAR": 0.0496191,
    "ScanOptions": "FS_EXT",
    "ScanningSequence": "EP",
    "SequenceName": "epfid2d1_84",
    "SequenceVariant": "SK_SS",
    "SeriesDescription": "cmrr_REST1",
    "ShimSetting": [
        246,
        -10392,
        -5616,
        459,
        24,
        -170,
        69,
        -57
    ],
    "SliceThickness": 2.4,
    "SliceTiming": [
        0,
        0.545,
        0.31,
        0.0775,
        0.6225,
        0.39,
        0.155,
        0.7,
        0.4675,
        0.2325,
        0,
        0.545,
        0.31,
        0.0775,
        0.6225,
        0.39,
        0.155,
        0.7,
        0.4675,
        0.2325,
        0,
        0.545,
        0.31,
        0.0775,
        0.6225,
        0.39,
        0.155,
        0.7,
        0.4675,
        0.2325,
        0,
        0.545,
        0.31,
        0.0775,
        0.6225,
        0.39,
        0.155,
        0.7,
        0.4675,
        0.2325,
        0,
        0.545,
        0.31,
        0.0775,
        0.6225,
        0.39,
        0.155,
        0.7,
        0.4675,
        0.2325,
        0,
        0.545,
        0.31,
        0.0775,
        0.6225,
        0.39,
        0.155,
        0.7,
        0.4675,
        0.2325
    ],
    "SoftwareVersions": "syngo_MR_E11",
    "SpacingBetweenSlices": 2.4,
    "TaskName": "rest",
    "TotalReadoutTime": 0.0489689,
    "TxRefAmp": 229.499
}