{
    "AcquisitionMatrixPE": 84,
    "BandwidthPerPixelPhaseEncode": 18.315,
    "BaseResolution": 84,
    "BodyPartExamined": "BRAIN",
    "ConsistencyInfo": "N4_VE11B_LATEST_20150530",
    "ConversionSoftware": "dcm2niix",
    "ConversionSoftwareVersion": "v1.0.20171204 (OpenJPEG build) GCC4.8.4",
    "DerivedVendorReportedEchoSpacing": 0.000650001,
    "DwellTime": 2.6e-06,
    "EchoTime": 0.0598,
    "EchoTrainLength": 84,
    "EffectiveEchoSpacing": 0.000650001,
    "FlipAngle": 90,
    "ImageOrientationPatientDICOM": [
        1,
        0,
        0,
        0,
        0.990509,
        -0.137445
    ],
    "ImageType": [
        "ORIGINAL",
        "PRIMARY",
        "M",
        "ND",
        "MOSAIC"
    ],
    "InPlanePhaseEncodingDirectionDICOM": "ROW",
    "IntendedFor": [
        "ses-HBNsiteCBIC/func/sub-NDARNK005BRN_ses-HBNsiteCBIC_task-peer_run-2_bold.nii.gz",
        "ses-HBNsiteCBIC/func/sub-NDARNK005BRN_ses-HBNsiteCBIC_task-peer_run-3_bold.nii.gz",
        "ses-HBNsiteCBIC/func/sub-NDARNK005BRN_ses-HBNsiteCBIC_task-movieDM_bold.nii.gz",
        "ses-HBNsiteCBIC/func/sub-NDARNK005BRN_ses-HBNsiteCBIC_task-rest_run-1_bold.nii.gz",
        "ses-HBNsiteCBIC/func/sub-NDARNK005BRN_ses-HBNsiteCBIC_task-rest_run-2_bold.nii.gz",
        "ses-HBNsiteCBIC/func/sub-NDARNK005BRN_ses-HBNsiteCBIC_task-peer_run-1_bold.nii.gz",
        "ses-HBNsiteCBIC/func/sub-NDARNK005BRN_ses-HBNsiteCBIC_task-movieTP_bold.nii.gz"
    ],
    "MRAcquisitionType": "2D",
    "MagneticFieldStrength": 3,
    "Manufacturer": "Siemens",
    "ManufacturersModelName": "Prisma_fit",
    "Modality": "MR",
    "PartialFourier": 1,
    "PatientPosition": "HFS",
    "PercentPhaseFOV": 100,
    "PhaseEncodingDirection": "i-",
    "PhaseEncodingSteps": 84,
    "PhaseResolution": 1,
    "PixelBandwidth": 2290,
    "ProcedureStepDescription": "CMI_HBN-CBIC",
    "ProtocolName": "cmrr_fMRI_DistortionMap_AP",
    "PulseSequenceDetails": "%CustomerSeq%_cmrr_mbep2d_se",
    "ReceiveCoilActiveElements": "HEA;HEP",
    "ReceiveCoilName": "Head_32",
    "ReconMatrixPE": 84,
    "RepetitionTime": 6.09,
    "SAR": 0.267652,
    "ScanOptions": "FS",
    "ScanningSequence": "EP",
    "SequenceName": "epse2d1_84",
    "SequenceVariant": "SK",
    "SeriesDescription": "cmrr_fMRI_DistortionMap_AP",
    "ShimSetting": [
        191,
        -10389,
        -5568,
        580,
        -139,
        94,
        199,
        5
    ],
    "SliceThickness": 2.4,
    "SliceTiming": [
        3.035,
        0,
        3.135,
        0.1,
        3.2375,
        0.2025,
        3.3375,
        0.3025,
        3.44,
        0.405,
        3.54,
        0.505,
        3.6425,
        0.6075,
        3.7425,
        0.7075,
        3.845,
        0.81,
        3.945,
        0.91,
        4.0475,
        1.0125,
        4.1475,
        1.1125,
        4.2475,
        1.215,
        4.35,
        1.315,
        4.45,
        1.415,
        4.5525,
        1.5175,
        4.6525,
        1.6175,
        4.755,
        1.72,
        4.855,
        1.82,
        4.9575,
        1.9225,
        5.0575,
        2.0225,
        5.16,
        2.125,
        5.26,
        2.225,
        5.3625,
        2.3275,
        5.4625,
        2.4275,
        5.565,
        2.53,
        5.665,
        2.63,
        5.765,
        2.7325,
        5.8675,
        2.8325,
        5.9675,
        2.9325
    ],
    "SoftwareVersions": "syngo_MR_E11",
    "SpacingBetweenSlices": 2.4,
    "TotalReadoutTime": 0.0539501,
    "TxRefAmp": 215.638,
    "Obliquity": "True",
    "VoxelSizeDim1": 2.404761791229248,
    "VoxelSizeDim3": 2.4000000953674316,
    "VoxelSizeDim2": 2.404761791229248,
    "Dim1Size": 84,
    "Dim2Size": 84,
    "Dim3Size": 60,
    "NumVolumes": 1.0
}