{
    "Modality": "MR",
    "MagneticFieldStrength": 3,
    "Manufacturer": "Siemens",
    "ManufacturersModelName": "TrioTim",
    "InstitutionName": "RUBIC",
    "InstitutionalDepartmentName": "Department",
    "InstitutionAddress": "Univeristy_Ave._197_Newark_North_East_US_07102-1814",
    "DeviceSerialNumber": "35450",
    "StationName": "MRC35450",
    "PatientPosition": "HFS",
    "ProcedureStepDescription": "CMI_HBN",
    "SoftwareVersions": "syngo_MR_B19",
    "MRAcquisitionType": "3D",
    "SeriesDescription": "T2SPACE",
    "ProtocolName": "T2SPACE",
    "ScanningSequence": "SE",
    "SequenceVariant": "SK_SP_OSP",
    "ScanOptions": "PFP",
    "SequenceName": "_spc3d1_390ns",
    "ImageType": [
        "ORIGINAL",
        "PRIMARY",
        "M",
        "ND"
    ],
    "SeriesNumber": 17,
    "AcquisitionTime": "17:57:17.680000",
    "AcquisitionNumber": 1,
    "SliceThickness": 0.8,
    "SAR": 0.362412,
    "EchoTime": 0.567,
    "RepetitionTime": 3.2,
    "FlipAngle": 120,
    "PartialFourier": 1,
    "BaseResolution": 320,
    "ShimSetting": [
        2045,
        -508,
        -7901,
        333,
        368,
        678,
        -170,
        -206
    ],
    "TxRefAmp": 310.904,
    "PhaseResolution": 1.01705,
    "PhaseOversampling": 0.101562,
    "ReceiveCoilName": "32Ch_Head",
    "PulseSequenceDetails": "%SiemensSeq%_tse_vfl",
    "PercentPhaseFOV": 100,
    "EchoTrainLength": 195,
    "PhaseEncodingSteps": 320,
    "AcquisitionMatrixPE": 325,
    "ReconMatrixPE": 320,
    "ParallelReductionFactorInPlane": 2,
    "PixelBandwidth": 744,
    "DwellTime": 2.1e-06,
    "ImageOrientationPatientDICOM": [
        0.106264,
        0.994338,
        0,
        0,
        0,
        -1
    ],
    "InPlanePhaseEncodingDirectionDICOM": "ROW",
    "ConversionSoftware": "dcm2niix",
    "ConversionSoftwareVersion": "v1.0.20171204 (OpenJPEG build) GCC4.8.4",
    "Obliquity": "False",
    "VoxelSizeDim1": 0.7999935746192932,
    "VoxelSizeDim3": 0.800000011920929,
    "VoxelSizeDim2": 0.800000011920929,
    "Dim1Size": 224,
    "Dim2Size": 320,
    "Dim3Size": 320,
    "NumVolumes": 1.0
}