{
    "AcquisitionMatrixPE": 84,
    "BandwidthPerPixelPhaseEncode": 21.645,
    "BaseResolution": 84,
    "ConversionSoftware": "dcm2niix",
    "ConversionSoftwareVersion": "v1.0.20171204 (OpenJPEG build) GCC4.8.4",
    "DerivedVendorReportedEchoSpacing": 0.000550001,
    "DwellTime": 2.6e-06,
    "EchoTime": 0.0512,
    "EffectiveEchoSpacing": 0.000550001,
    "FlipAngle": 90,
    "ImageOrientationPatientDICOM": [
        0.998545,
        -0.00404921,
        -0.0537743,
        -2.97353e-08,
        0.997177,
        -0.075088
    ],
    "ImageType": [
        "ORIGINAL",
        "PRIMARY",
        "M",
        "ND",
        "MOSAIC"
    ],
    "InPlanePhaseEncodingDirectionDICOM": "COL",
    "IntendedFor": [
        "ses-HBNsiteRU/func/sub-NDARJW373UE3_ses-HBNsiteRU_task-rest_run-2_bold.nii.gz",
        "ses-HBNsiteRU/func/sub-NDARJW373UE3_ses-HBNsiteRU_task-rest_run-1_bold.nii.gz",
        "ses-HBNsiteRU/func/sub-NDARJW373UE3_ses-HBNsiteRU_task-movieDM_bold.nii.gz",
        "ses-HBNsiteRU/func/sub-NDARJW373UE3_ses-HBNsiteRU_task-movieTP_bold.nii.gz",
        "ses-HBNsiteRU/func/sub-NDARJW373UE3_ses-HBNsiteRU_task-peer_run-1_bold.nii.gz",
        "ses-HBNsiteRU/func/sub-NDARJW373UE3_ses-HBNsiteRU_task-peer_run-3_bold.nii.gz",
        "ses-HBNsiteRU/func/sub-NDARJW373UE3_ses-HBNsiteRU_task-peer_run-2_bold.nii.gz"
    ],
    "MRAcquisitionType": "2D",
    "MagneticFieldStrength": 3,
    "Manufacturer": "Siemens",
    "ManufacturersModelName": "TrioTim",
    "Modality": "MR",
    "PartialFourier": 1,
    "PatientPosition": "HFS",
    "PercentPhaseFOV": 100,
    "PhaseEncodingDirection": "j",
    "PhaseEncodingSteps": 84,
    "PhaseResolution": 1,
    "PixelBandwidth": 2289,
    "ProcedureStepDescription": "CMI_HBN",
    "ProtocolName": "fMRI_DistortionMap_PA",
    "PulseSequenceDetails": "%CustomerSeq%_cmrr_mbep2d_se",
    "ReceiveCoilName": "32Ch_Head",
    "ReconMatrixPE": 84,
    "RepetitionTime": 5.301,
    "SAR": 0.315811,
    "ScanOptions": "FS",
    "ScanningSequence": "EP",
    "SequenceName": "epse2d1_84",
    "SequenceVariant": "SK",
    "SeriesDescription": "fMRI_DistortionMap_PA",
    "ShimSetting": [
        1979,
        -526,
        -7567,
        913,
        376,
        353,
        -299,
        -266
    ],
    "SliceThickness": 2.4,
    "SliceTiming": [
        2.66,
        0,
        2.75,
        0.09,
        2.8375,
        0.1775,
        2.9275,
        0.2675,
        3.015,
        0.355,
        3.105,
        0.4425,
        3.1925,
        0.5325,
        3.2825,
        0.62,
        3.37,
        0.71,
        3.46,
        0.7975,
        3.5475,
        0.8875,
        3.6375,
        0.975,
        3.725,
        1.065,
        3.815,
        1.1525,
        3.9025,
        1.2425,
        3.9925,
        1.33,
        4.08,
        1.42,
        4.17,
        1.5075,
        4.2575,
        1.5975,
        4.345,
        1.685,
        4.435,
        1.775,
        4.5225,
        1.8625,
        4.6125,
        1.9525,
        4.7,
        2.04,
        4.79,
        2.13,
        4.8775,
        2.2175,
        4.9675,
        2.305,
        5.055,
        2.395,
        5.145,
        2.4825,
        5.2325,
        2.5725
    ],
    "SoftwareVersions": "syngo_MR_B19",
    "SpacingBetweenSlices": 2.4,
    "TotalReadoutTime": 0.04565,
    "TxRefAmp": 275.456,
    "Obliquity": "True",
    "VoxelSizeDim1": 2.404761791229248,
    "VoxelSizeDim3": 2.3999998569488525,
    "VoxelSizeDim2": 2.404761791229248,
    "Dim1Size": 84,
    "Dim2Size": 84,
    "Dim3Size": 60,
    "NumVolumes": 1.0
}