{
    "AcquisitionMatrixPE": 325,
    "BaseResolution": 320,
    "ConversionSoftware": "dcm2niix",
    "ConversionSoftwareVersion": "v1.0.20171204 (OpenJPEG build) GCC4.8.4",
    "DwellTime": 2.1e-06,
    "EchoTime": 0.564,
    "EchoTrainLength": 195,
    "FlipAngle": 120,
    "ImageOrientationPatientDICOM": [
        0.0732382,
        0.997314,
        -8.79636e-09,
        -0.0973208,
        0.00714678,
        -0.995227
    ],
    "ImageType": [
        "ORIGINAL",
        "PRIMARY",
        "M",
        "ND"
    ],
    "InPlanePhaseEncodingDirectionDICOM": "ROW",
    "MRAcquisitionType": "3D",
    "MagneticFieldStrength": 3,
    "Manufacturer": "Siemens",
    "ManufacturersModelName": "TrioTim",
    "Modality": "MR",
    "ParallelReductionFactorInPlane": 2,
    "PartialFourier": 1,
    "PatientPosition": "HFS",
    "PercentPhaseFOV": 100,
    "PhaseEncodingSteps": 320,
    "PhaseOversampling": 0.101562,
    "PhaseResolution": 1.01705,
    "PixelBandwidth": 744,
    "ProcedureStepDescription": "CMI_HBN",
    "ProtocolName": "T2SPACE",
    "PulseSequenceDetails": "%SiemensSeq%_tse_vfl",
    "ReceiveCoilName": "32Ch_Head",
    "ReconMatrixPE": 320,
    "RepetitionTime": 3.2,
    "SAR": 0.346121,
    "ScanOptions": "PFP",
    "ScanningSequence": "SE",
    "SequenceName": "_spc3d1_390ns",
    "SequenceVariant": "SK_SP_OSP",
    "SeriesDescription": "T2SPACE",
    "ShimSetting": [
        2045,
        -508,
        -7901,
        333,
        368,
        678,
        -170,
        -206
    ],
    "SliceThickness": 0.8,
    "SoftwareVersions": "syngo_MR_B19",
    "TxRefAmp": 322.841
}