{
    "InPlanePhaseEncodingDirectionDICOM": "ROW",
    "ProcedureStepDescription": "CMI_HBN",
    "DeviceSerialNumber": "35450",
    "AcquisitionMatrixPE": 325,
    "ImageOrientationPatientDICOM": [
        -0.0331443,
        0.999451,
        -8.99105e-09,
        0.0331418,
        0.00109905,
        -0.99945
    ],
    "ManufacturersModelName": "TrioTim",
    "ProtocolName": "T2SPACE",
    "RepetitionTime": 3.2,
    "MagneticFieldStrength": 3,
    "PhaseEncodingSteps": 252,
    "MRAcquisitionType": "3D",
    "ParallelReductionFactorInPlane": 2,
    "SliceThickness": 0.8,
    "DwellTime": 6.5e-06,
    "TxRefAmp": 355.528,
    "EchoTrainLength": 195,
    "SAR": 0.169206,
    "ConversionSoftware": "dcm2niix",
    "ScanningSequence": "SE",
    "Manufacturer": "Siemens",
    "PercentPhaseFOV": 100,
    "ReconMatrixPE": 320,
    "FlipAngle": 120,
    "PhaseOversampling": 0.101562,
    "SeriesDescription": "T2SPACE",
    "PartialFourier": 1,
    "ConversionSoftwareVersion": "v1.0.20171204 (OpenJPEG build) GCC4.8.4",
    "ShimSetting": [
        2097,
        -359,
        -7619,
        -55,
        -7,
        -174,
        -114,
        27
    ],
    "PulseSequenceDetails": "%SiemensSeq%_tse_vfl",
    "PatientPosition": "HFS",
    "SequenceName": "_spc3d1_390ns",
    "ReceiveCoilName": "32Ch_Head",
    "ImageType": [
        "ORIGINAL",
        "PRIMARY",
        "M",
        "ND"
    ],
    "EchoTime": 0.564,
    "SequenceVariant": "SK_SP_OSP",
    "PhaseResolution": 1.01705,
    "BaseResolution": 320,
    "PixelBandwidth": 240,
    "ScanOptions": "PFP",
    "SoftwareVersions": "syngo_MR_B19",
    "StationName": "MRC35450",
    "Modality": "MR",
    "Obliquity": "False",
    "VoxelSizeDim1": 0.7999973297119141,
    "VoxelSizeDim3": 0.800000011920929,
    "VoxelSizeDim2": 0.800000011920929,
    "Dim1Size": 224,
    "Dim2Size": 320,
    "Dim3Size": 320,
    "NumVolumes": 1.0
}