{
    "InPlanePhaseEncodingDirectionDICOM": "ROW",
    "ConsistencyInfo": "N4_VE11B_LATEST_20150530",
    "ProcedureStepDescription": "CMI_HBN-CBIC",
    "DeviceSerialNumber": "67080",
    "AcquisitionMatrixPE": 256,
    "ImageOrientationPatientDICOM": [
        -0.123601,
        0.992332,
        -4.31569e-10,
        -0.0207819,
        -0.00258852,
        -0.999781
    ],
    "ManufacturersModelName": "Prisma_fit",
    "ProtocolName": "ABCD_T2w_SPC_vNav",
    "RepetitionTime": 3.2,
    "BodyPartExamined": "BRAIN",
    "MagneticFieldStrength": 3,
    "PhaseEncodingSteps": 227,
    "MRAcquisitionType": "3D",
    "ParallelReductionFactorInPlane": 2,
    "SliceThickness": 1,
    "DwellTime": 8.1e-06,
    "TxRefAmp": 219.305,
    "EchoTrainLength": 190,
    "ImageType": [
        "ORIGINAL",
        "PRIMARY",
        "M",
        "ND",
        "NORM"
    ],
    "SeriesDescription": "ABCD_T2w_SPC_vNav",
    "SAR": 0.0862972,
    "ConversionSoftware": "dcm2niix",
    "ScanningSequence": "SE",
    "Manufacturer": "Siemens",
    "PercentPhaseFOV": 100,
    "ReconMatrixPE": 256,
    "FlipAngle": 120,
    "PulseSequenceDetails": "%CustomerSeq%_tse_vfl_mgh_epinav_ABCD",
    "PartialFourier": 1,
    "ConversionSoftwareVersion": "v1.0.20171204 (OpenJPEG build) GCC4.8.4",
    "ShimSetting": [
        179,
        -10470,
        -5609,
        519,
        -52,
        -189,
        80,
        -3
    ],
    "PatientPosition": "HFS",
    "SequenceName": "spc_200ns",
    "ReceiveCoilName": "Head_32",
    "ReceiveCoilActiveElements": "HEA;HEP",
    "EchoTime": 0.565,
    "SequenceVariant": "SK_SP",
    "PhaseResolution": 1,
    "BaseResolution": 256,
    "PixelBandwidth": 240,
    "ScanOptions": "PFP",
    "SoftwareVersions": "syngo_MR_E11",
    "StationName": "MRTRIO3TX72",
    "Modality": "MR",
    "Obliquity": "False",
    "VoxelSizeDim1": 0.9999977946281433,
    "VoxelSizeDim3": 0.9999999403953552,
    "VoxelSizeDim2": 0.9999999403953552,
    "Dim1Size": 176,
    "Dim2Size": 256,
    "Dim3Size": 256,
    "NumVolumes": 1.0
}