{
    "AcquisitionMatrixPE": 84,
    "BandwidthPerPixelPhaseEncode": 16.534,
    "BaseResolution": 84,
    "ConversionSoftware": "dcm2niix",
    "ConversionSoftwareVersion": "v1.0.20171204 (OpenJPEG build) GCC4.8.4",
    "DerivedVendorReportedEchoSpacing": 0.000720017,
    "DwellTime": 2.6e-06,
    "EchoTime": 0.0658,
    "EffectiveEchoSpacing": 0.000720017,
    "FlipAngle": 90,
    "ImageOrientationPatientDICOM": [
        0.989045,
        -0.0238617,
        -0.14567,
        -1.32589e-10,
        0.986848,
        -0.161652
    ],
    "ImageType": [
        "ORIGINAL",
        "PRIMARY",
        "M",
        "ND",
        "MOSAIC"
    ],
    "InPlanePhaseEncodingDirectionDICOM": "ROW",
    "IntendedFor": [
        "ses-HBNsiteRU/func/sub-NDARGU100JH4_ses-HBNsiteRU_task-movieDM_bold.nii.gz",
        "ses-HBNsiteRU/func/sub-NDARGU100JH4_ses-HBNsiteRU_task-peer_run-1_bold.nii.gz"
    ],
    "MRAcquisitionType": "2D",
    "MagneticFieldStrength": 3,
    "Manufacturer": "Siemens",
    "ManufacturersModelName": "TrioTim",
    "Modality": "MR",
    "PartialFourier": 1,
    "PatientPosition": "HFS",
    "PercentPhaseFOV": 100,
    "PhaseEncodingDirection": "i",
    "PhaseEncodingSteps": 84,
    "PhaseResolution": 1,
    "PixelBandwidth": 2289,
    "ProcedureStepDescription": "CMI_HBN",
    "ProtocolName": "fMRI_DistortionMap_PA",
    "PulseSequenceDetails": "%CustomerSeq%_cmrr_mbep2d_se",
    "ReceiveCoilName": "32Ch_Head",
    "ReconMatrixPE": 84,
    "RepetitionTime": 6.61,
    "SAR": 0.365658,
    "ScanOptions": "FS",
    "ScanningSequence": "EP",
    "SequenceName": "epse2d1_84",
    "SequenceVariant": "SK",
    "SeriesDescription": "fMRI_DistortionMap_PA",
    "ShimSetting": [
        2032,
        -324,
        -7488,
        568,
        166,
        -709,
        717,
        38
    ],
    "SliceThickness": 2.4,
    "SliceTiming": [
        3.3175,
        0,
        3.4275,
        0.11,
        3.54,
        0.22,
        3.65,
        0.3325,
        3.76,
        0.4425,
        3.87,
        0.5525,
        3.9825,
        0.6625,
        4.0925,
        0.775,
        4.2025,
        0.885,
        4.3125,
        0.995,
        4.4225,
        1.105,
        4.535,
        1.215,
        4.645,
        1.3275,
        4.755,
        1.4375,
        4.865,
        1.5475,
        4.9775,
        1.6575,
        5.0875,
        1.77,
        5.1975,
        1.88,
        5.3075,
        1.99,
        5.42,
        2.1,
        5.53,
        2.2125,
        5.64,
        2.3225,
        5.75,
        2.4325,
        5.8625,
        2.5425,
        5.9725,
        2.655,
        6.0825,
        2.765,
        6.1925,
        2.875,
        6.305,
        2.985,
        6.415,
        3.0975,
        6.525,
        3.2075
    ],
    "SoftwareVersions": "syngo_MR_B19",
    "SpacingBetweenSlices": 2.4,
    "TotalReadoutTime": 0.0597614,
    "TxRefAmp": 361.669,
    "Obliquity": "True",
    "VoxelSizeDim1": 2.404761552810669,
    "VoxelSizeDim3": 2.4000000953674316,
    "VoxelSizeDim2": 2.404761791229248,
    "Dim1Size": 84,
    "Dim2Size": 84,
    "Dim3Size": 60,
    "NumVolumes": 1.0
}