{
    "AcquisitionMatrixPE": 104,
    "BandwidthPerPixelPhaseEncode": 24.655,
    "BaseResolution": 104,
    "BodyPartExamined": "BRAIN",
    "ConsistencyInfo": "N4_VE11C_LATEST_20160120",
    "ConversionSoftware": "dcm2niix",
    "ConversionSoftwareVersion": "v1.0.20171215 GCC4.8.4",
    "DerivedVendorReportedEchoSpacing": 0.000779995,
    "DwellTime": 3.3e-06,
    "EchoTime": 0.1002,
    "EchoTrainLength": 51,
    "EffectiveEchoSpacing": 0.000389997,
    "FlipAngle": 90,
    "ImageComments": "Unaliased_MB3_PE4_LB",
    "ImageOrientationPatientDICOM": [
        1,
        0,
        0,
        0,
        1,
        0
    ],
    "ImageType": [
        "ORIGINAL",
        "PRIMARY",
        "DIFFUSION",
        "NONE",
        "MB",
        "ND",
        "MOSAIC"
    ],
    "InPlanePhaseEncodingDirectionDICOM": "COL",
    "MRAcquisitionType": "2D",
    "MagneticFieldStrength": 3,
    "Manufacturer": "Siemens",
    "ManufacturersModelName": "Prisma",
    "Modality": "MR",
    "MultibandAccelerationFactor": 3,
    "ParallelReductionFactorInPlane": 2,
    "PartialFourier": 1,
    "PatientPosition": "HFS",
    "PercentPhaseFOV": 100,
    "PhaseEncodingDirection": "j-",
    "PhaseEncodingSteps": 103,
    "PhaseResolution": 1,
    "PixelBandwidth": 1455,
    "ProcedureStepDescription": "CMI_CUNY_HBN",
    "ProtocolName": "cmrr_DKI",
    "PulseSequenceDetails": "%CustomerSeq%_cmrr_mbep2d_diff",
    "ReceiveCoilActiveElements": "HEA;HEP",
    "ReceiveCoilName": "Head_32",
    "ReconMatrixPE": 104,
    "RepetitionTime": 3.32,
    "SAR": 0.26152,
    "ScanOptions": "FS",
    "ScanningSequence": "EP",
    "SequenceName": "ep_b0",
    "SequenceVariant": "SK_SS",
    "SeriesDescription": "cmrr_DKI",
    "ShimSetting": [
        -1547,
        -10146,
        2247,
        493,
        166,
        -15,
        167,
        30
    ],
    "SliceThickness": 1.8,
    "SliceTiming": [
        0,
        1.5125,
        3.025,
        1.2375,
        2.75,
        0.9625,
        2.475,
        0.6875,
        2.2,
        0.4125,
        1.925,
        0.1375,
        1.65,
        3.1625,
        1.375,
        2.8875,
        1.1,
        2.6125,
        0.825,
        2.3375,
        0.55,
        2.0625,
        0.275,
        1.7875,
        0,
        1.5125,
        3.025,
        1.2375,
        2.75,
        0.9625,
        2.475,
        0.6875,
        2.2,
        0.4125,
        1.925,
        0.1375,
        1.65,
        3.1625,
        1.375,
        2.8875,
        1.1,
        2.6125,
        0.825,
        2.3375,
        0.55,
        2.0625,
        0.275,
        1.7875,
        0,
        1.5125,
        3.025,
        1.2375,
        2.75,
        0.9625,
        2.475,
        0.6875,
        2.2,
        0.4125,
        1.925,
        0.1375,
        1.65,
        3.1625,
        1.375,
        2.8875,
        1.1,
        2.6125,
        0.825,
        2.3375,
        0.55,
        2.0625,
        0.275,
        1.7875
    ],
    "SoftwareVersions": "syngo_MR_E11",
    "SpacingBetweenSlices": 1.8,
    "TotalReadoutTime": 0.0401697,
    "TxRefAmp": 243.438,
    "VendorReportedEchoSpacing": 0.00078
}