{
    "AcquisitionMatrixPE": 78,
    "BandwidthPerPixelPhaseEncode": 23.31,
    "BaseResolution": 78,
    "ConversionSoftware": "dcm2niix",
    "ConversionSoftwareVersion": "v1.0.20171204 (OpenJPEG build) GCC4.8.4",
    "DerivedVendorReportedEchoSpacing": 0.000550001,
    "DwellTime": 2.7e-06,
    "EchoTime": 0.04,
    "EffectiveEchoSpacing": 0.000550001,
    "FlipAngle": 55,
    "ImageComments": "Unaliased_MB3_PE3",
    "ImageOrientationPatientDICOM": [
        1,
        0,
        0,
        0,
        1,
        0
    ],
    "ImageType": [
        "ORIGINAL",
        "PRIMARY",
        "M",
        "MB",
        "ND",
        "MOSAIC"
    ],
    "InPlanePhaseEncodingDirectionDICOM": "COL",
    "MRAcquisitionType": "2D",
    "MagneticFieldStrength": 1.5,
    "Manufacturer": "Siemens",
    "ManufacturersModelName": "Avanto",
    "Modality": "MR",
    "MultibandAccelerationFactor": 3,
    "PartialFourier": 1,
    "PatientPosition": "HFS",
    "PercentPhaseFOV": 100,
    "PhaseEncodingDirection": "j-",
    "PhaseEncodingSteps": 78,
    "PhaseResolution": 1,
    "PixelBandwidth": 2374,
    "ProcedureStepDescription": "CMI_HBN",
    "ProtocolName": "Resting_State_2.5mm",
    "PulseSequenceDetails": "%CustomerSeq%_cmrr_mbep2d_bold",
    "ReceiveCoilName": "32Ch_Head",
    "ReconMatrixPE": 78,
    "RepetitionTime": 1.45,
    "SAR": 0.0436658,
    "ScanOptions": "FS",
    "ScanningSequence": "EP",
    "SequenceName": "epfid2d1_78",
    "SequenceVariant": "SK_SS",
    "SeriesDescription": "Resting_State_2.5mm",
    "ShimSetting": [
        138,
        -194,
        525,
        1731,
        667,
        12,
        209,
        357
    ],
    "SliceThickness": 2.5,
    "SliceTiming": [
        0,
        1.05,
        0.645,
        0.2425,
        1.2925,
        0.8875,
        0.485,
        0.08,
        1.13,
        0.7275,
        0.3225,
        1.3725,
        0.97,
        0.565,
        0.16,
        1.2125,
        0.8075,
        0.4025,
        0,
        1.05,
        0.645,
        0.2425,
        1.2925,
        0.8875,
        0.485,
        0.08,
        1.13,
        0.7275,
        0.3225,
        1.3725,
        0.97,
        0.565,
        0.16,
        1.2125,
        0.8075,
        0.4025,
        0,
        1.05,
        0.645,
        0.2425,
        1.2925,
        0.8875,
        0.485,
        0.08,
        1.13,
        0.7275,
        0.3225,
        1.3725,
        0.97,
        0.565,
        0.16,
        1.2125,
        0.8075,
        0.4025
    ],
    "SoftwareVersions": "syngo_MR_B17",
    "SpacingBetweenSlices": 2.5,
    "TaskName": "rest",
    "TotalReadoutTime": 0.04235,
    "TxRefAmp": 234.034,
    "Obliquity": "False",
    "VoxelSizeDim1": 2.461538553237915,
    "VoxelSizeDim3": 2.5,
    "VoxelSizeDim2": 2.461538553237915,
    "Dim1Size": 78,
    "Dim2Size": 78,
    "Dim3Size": 54,
    "NumVolumes": 420
}