{
    "AcquisitionMatrixPE": 84,
    "BandwidthPerPixelPhaseEncode": 20.178,
    "BaseResolution": 84,
    "BodyPartExamined": "BRAIN",
    "ConsistencyInfo": "N4_VE11B_LATEST_20150530",
    "ConversionSoftware": "dcm2niix",
    "ConversionSoftwareVersion": "v1.0.20171215 GCC4.8.4",
    "DerivedVendorReportedEchoSpacing": 0.000589987,
    "DwellTime": 2.6e-06,
    "EchoTime": 0.03,
    "EchoTrainLength": 84,
    "EffectiveEchoSpacing": 0.000589987,
    "FlipAngle": 31,
    "ImageComments": "Unaliased_MB6_PE3_LB",
    "ImageOrientationPatientDICOM": [
        1,
        0,
        0,
        0,
        1,
        0
    ],
    "ImageType": [
        "ORIGINAL",
        "PRIMARY",
        "M",
        "MB",
        "ND",
        "MOSAIC"
    ],
    "InPlanePhaseEncodingDirectionDICOM": "COL",
    "MRAcquisitionType": "2D",
    "MagneticFieldStrength": 3,
    "Manufacturer": "Siemens",
    "ManufacturersModelName": "Prisma_fit",
    "Modality": "MR",
    "MultibandAccelerationFactor": 6,
    "PartialFourier": 1,
    "PatientPosition": "HFS",
    "PercentPhaseFOV": 100,
    "PhaseEncodingDirection": "j-",
    "PhaseEncodingSteps": 84,
    "PhaseResolution": 1,
    "PixelBandwidth": 2290,
    "ProcedureStepDescription": "CMI_HBN-CBIC",
    "ProtocolName": "cmrr_MOVIE2",
    "PulseSequenceDetails": "%CustomerSeq%_cmrr_mbep2d_bold",
    "ReceiveCoilActiveElements": "HEA;HEP",
    "ReceiveCoilName": "Head_32",
    "ReconMatrixPE": 84,
    "RepetitionTime": 0.8,
    "SAR": 0.0710516,
    "ScanOptions": "FS_EXT",
    "ScanningSequence": "EP",
    "SequenceName": "epfid2d1_84",
    "SequenceVariant": "SK_SS",
    "SeriesDescription": "cmrr_MOVIE2",
    "ShimSetting": [
        177,
        -10473,
        -5504,
        737,
        -95,
        -135,
        173,
        16
    ],
    "SliceThickness": 2.4,
    "SliceTiming": [
        0,
        0.5475,
        0.3125,
        0.08,
        0.625,
        0.39,
        0.1575,
        0.7025,
        0.4675,
        0.235,
        0,
        0.5475,
        0.3125,
        0.08,
        0.625,
        0.39,
        0.1575,
        0.7025,
        0.4675,
        0.235,
        0,
        0.5475,
        0.3125,
        0.08,
        0.625,
        0.39,
        0.1575,
        0.7025,
        0.4675,
        0.235,
        0,
        0.5475,
        0.3125,
        0.08,
        0.625,
        0.39,
        0.1575,
        0.7025,
        0.4675,
        0.235,
        0,
        0.5475,
        0.3125,
        0.08,
        0.625,
        0.39,
        0.1575,
        0.7025,
        0.4675,
        0.235,
        0,
        0.5475,
        0.3125,
        0.08,
        0.625,
        0.39,
        0.1575,
        0.7025,
        0.4675,
        0.235
    ],
    "SoftwareVersions": "syngo_MR_E11",
    "SpacingBetweenSlices": 2.4,
    "TaskName": "movieTP",
    "TotalReadoutTime": 0.0489689,
    "TxRefAmp": 211.782,
    "Obliquity": "False",
    "VoxelSizeDim1": 2.4285714626312256,
    "VoxelSizeDim3": 2.4000000953674316,
    "VoxelSizeDim2": 2.4285714626312256,
    "Dim1Size": 84,
    "Dim2Size": 84,
    "Dim3Size": 60,
    "NumVolumes": 250
}