{
    "AcquisitionMatrixPE": 84,
    "BandwidthPerPixelPhaseEncode": 21.645,
    "BaseResolution": 84,
    "ConversionSoftware": "dcm2niix",
    "ConversionSoftwareVersion": "v1.0.20171204 (OpenJPEG build) GCC4.8.4",
    "DerivedVendorReportedEchoSpacing": 0.000550001,
    "DwellTime": 2.6e-06,
    "EchoTime": 0.0512,
    "EffectiveEchoSpacing": 0.000550001,
    "FlipAngle": 90,
    "ImageOrientationPatientDICOM": [
        0.998347,
        0.00690928,
        0.0570588,
        -2.50551e-08,
        0.992748,
        -0.120212
    ],
    "ImageType": [
        "ORIGINAL",
        "PRIMARY",
        "M",
        "ND",
        "MOSAIC"
    ],
    "InPlanePhaseEncodingDirectionDICOM": "COL",
    "IntendedFor": [],
    "MRAcquisitionType": "2D",
    "MagneticFieldStrength": 3,
    "Manufacturer": "Siemens",
    "ManufacturersModelName": "TrioTim",
    "Modality": "MR",
    "PartialFourier": 1,
    "PatientPosition": "HFS",
    "PercentPhaseFOV": 100,
    "PhaseEncodingDirection": "j",
    "PhaseEncodingSteps": 84,
    "PhaseResolution": 1,
    "PixelBandwidth": 2289,
    "ProcedureStepDescription": "CMI_HBN",
    "ProtocolName": "fMRI_DistortionMap_PA",
    "PulseSequenceDetails": "%CustomerSeq%_cmrr_mbep2d_se",
    "ReceiveCoilName": "32Ch_Head",
    "ReconMatrixPE": 84,
    "RepetitionTime": 5.301,
    "SAR": 0.452047,
    "ScanOptions": "FS",
    "ScanningSequence": "EP",
    "SequenceName": "epse2d1_84",
    "SequenceVariant": "SK",
    "SeriesDescription": "fMRI_DistortionMap_PA",
    "ShimSetting": [
        2123,
        -557,
        -7596,
        1226,
        499,
        198,
        16,
        -64
    ],
    "SliceThickness": 2.4,
    "SliceTiming": [
        2.66,
        0,
        2.75,
        0.0875,
        2.8375,
        0.1775,
        2.9275,
        0.265,
        3.015,
        0.355,
        3.105,
        0.4425,
        3.1925,
        0.5325,
        3.2825,
        0.62,
        3.37,
        0.71,
        3.46,
        0.7975,
        3.5475,
        0.8875,
        3.6375,
        0.975,
        3.725,
        1.065,
        3.8125,
        1.1525,
        3.9025,
        1.2425,
        3.99,
        1.33,
        4.08,
        1.42,
        4.1675,
        1.5075,
        4.2575,
        1.5975,
        4.345,
        1.685,
        4.435,
        1.775,
        4.5225,
        1.8625,
        4.6125,
        1.95,
        4.7,
        2.04,
        4.79,
        2.1275,
        4.8775,
        2.2175,
        4.9675,
        2.305,
        5.055,
        2.395,
        5.145,
        2.4825,
        5.2325,
        2.5725
    ],
    "SoftwareVersions": "syngo_MR_B19",
    "SpacingBetweenSlices": 2.4,
    "TotalReadoutTime": 0.04565,
    "TxRefAmp": 300.475
}